##TITLE=Parameter List, ParaVision 6.0.1
##JCAMPDX=4.24
##DATATYPE=Parameter Values
##ORIGIN=Bruker BioSpin MRI GmbH
##OWNER=amnon
$$ 2021-01-18 22:50:09.187 +0200  amnon@wis15nmrpc
$$ /opt/PV6.0.1/data/amnon/20210118_091520_210118_phantom_pdc_DMHT_1_1/15/visu_pars
$$ process /opt/PV6.0.1/prog/mod/acq_out
##$VisuVersion=3
##$VisuUid=( 65 )
<2.16.756.5.5.100.8323328.28400.1611003009.1>
##$VisuCreator=( 65 )
<ParaVision>
##$VisuCreatorVersion=( 65 )
<6.0.1>
##$VisuCreationDate=<2021-01-18T22:50:09,148+0200>
##$VisuInstanceModality=( 65 )
<MR>
##$VisuCoreFrameCount=131
##$VisuCoreDim=2
##$VisuCoreSize=( 2 )
64 64
##$VisuCoreDimDesc=( 2 )
spatial spatial
##$VisuCoreExtent=( 2 )
15 15
##$VisuCoreFrameThickness=( 1 )
1
##$VisuCoreUnits=( 2, 65 )
<mm> <mm>
##$VisuCoreOrientation=( 1, 9 )
-0.868010976467019 -0.496545007761403 0 -0.496545007761403 0.868010976467019 
0 0 0 -1
##$VisuCorePosition=( 1, 3 )
9.90959488171316 -3.50930176529212 3.17
##$VisuCoreDataMin=( 131 )
2.56778781273569 3.02094144798886 4.1196702131385 2.12602251425942 
3.55194344112192 3.09355827680541 1.99481331870918 2.39295973232887 
2.48417828458691 3.19716732317264 3.41363337747961 5.99844305126623 
4.98565173346824 2.89597061856882 1.76519707253095 1.24722205332606 
1.83671727527941 1.4049689130286 1.80038172599059 2.48947722234049 
2.70275505075402 1.26237324722846 4.52497628116425 5.66495287011822 
0.919250855299272 2.82599756177846 3.36092886059477 2.26053311319042 
4.50529919225176 2.33430512978976 2.42662851139318 3.03639701048856 
4.17649977424156 4.67028278144572 3.43986286985037 0.961689561812113 
1.76013750235656 1.95484289699738 2.07290005275447 2.54283577453559 
1.42204195726307 5.21961361613545 6.51973111077479 2.01700759235843 
2.47908018638908 6.53560744273303 1.97737557988942 3.84844633308674 
2.42332032843503 2.92811313377131 1.09482371782683 2.01793013964785 
1.08495932498967 2.27373817623618 0.88615745827126 1.583826310681 
2.7872641842159 1.51200933859443 2.32231104203304 4.71023789862596 
5.23337794117882 1.86265652036565 1.24683537173166 1.64294691369644 
0.860932398455436 0.3365541212391 1.10378529539037 0.779176113980654 
1.14623057621392 1.52780743326294 3.02728902022583 1.42068975738133 
4.00016257389057 1.11034922767516 1.49132299678003 3.20503670048512 
0.72135198200487 3.17524973999787 0.553396148253757 1.72283086611834 
1.83166029541936 1.76851400554655 4.44640239727813 2.54675255722844 
3.42024390488603 0.710940386144785 3.07837331575952 6.03332899831924 
2.153437125312 2.24306193037682 3.19617721827478 0.895795288911324 
0.941355230646479 3.70143125712683 3.80392504656821 3.56154099837057 
2.77081905583196 1.8365605163185 1.29183431324529 1.27083055114311 
1.41092020475616 0.615687693794516 1.65578507395978 2.83019541045024 
3.44823594996236 2.19559303297451 5.94016490197804 1.7266302351926 
1.35634206440321 2.30810068829728 0.24006785989153 5.85660925949253 
1.18680127184966 3.65632466746855 3.8927593185881 1.6453777308031 
4.39969483400801 2.35169452790539 1.76730757261007 4.53562314419395 
1.39376097927704 5.42236490126734 1.23554983843735 5.46080952400875 
0.561768011407419 4.67419438996012 3.9024481178625 4.51283302443174 
2.81152482238203 1.75423696158704 1.10913368850844
##$VisuCoreDataMax=( 131 )
32766.5 32139.7343789891 32222.7676532049 32242.8347606289 32105.4493565141 
32086.3527316372 32012.8643918866 32093.6436628881 32126.7614891828 
32033.2536336948 31982.0486267594 31993.835698152 32046.7853957967 
31924.1231571416 31966.8736189277 32046.3843881932 31958.5026010801 
32009.2501978705 31938.2707285651 31861.669439123 31836.0557729897 
31897.491182598 31903.2965685891 31754.8358762835 31946.7266206734 
31844.3429529249 31857.2493127069 31891.4240718034 31720.2927719048 
31788.5433372589 31867.2505995737 31756.8810677943 31817.3233586866 
31760.1237929435 31728.7558366471 31746.2211644289 31682.0604814707 
31587.3899624479 31681.5506150579 31631.4916942577 31548.9167426301 
31650.334945798 31558.6183625282 31440.7096585943 31402.642520969 
31272.9934913543 31236.9738477509 31247.5045825706 31106.616915549 
31060.4750615897 30921.3734596158 30745.2757672312 30705.6154439312 
30508.1465195296 30162.296088289 29696.0775726039 29479.6460795515 
28934.7792202225 28298.6722984927 27319.5819983759 25753.1423764635 
23432.5277614237 19668.9486103827 14235.4445521415 7046.90262252713 
2542.78045217545 7160.02304896033 13938.1322571924 19062.4668701161 
22461.7907181578 24428.468493457 26066.0342336492 27372.589698181 
28405.369921564 28791.7531706679 29334.1453839877 29705.8292141549 
29881.7725810264 30090.3222989612 30332.6801938851 30424.6082044809 
30682.2363123087 30690.9321767434 30875.8632574266 30924.4998635935 
31097.3946030822 30985.952498559 31083.6344374862 31083.9643994267 
31096.9098380982 31260.9070758096 31230.1388422366 31188.3813879383 
31179.3886727069 31177.245143991 31185.6195166695 31222.0318390395 
31269.0292785685 31258.4367354613 31321.2804366889 31280.236702019 
31291.8324513276 31245.9018716198 31306.1155212747 31316.4567525153 
31387.5368801203 31388.0916526134 31350.7052152787 31345.3167617567 
31365.6536477228 31462.3561089145 31465.626684334 31519.542159881 
31520.6211959101 31489.3085321194 31474.6444236153 31595.4592855744 
31556.7373778114 31611.156087878 31583.7793779432 31647.5913915823 
31565.6883303451 31521.3775603817 31616.7770638354 31534.627383518 
31647.8285560005 31574.8127074493 31688.2585823842 31610.1194231449 
31570.6320738559 31644.4683199347
##$VisuCoreDataOffs=( 131 )
0 0 0 0 0 0 0 0 0 0 0 0 0 0 0 0 0 0 0 0 0 0 0 0 0 0 0 0 0 0 0 0 0 0 0 0 0 0 0 
0 0 0 0 0 0 0 0 0 0 0 0 0 0 0 0 0 0 0 0 0 0 0 0 0 0 0 0 0 0 0 0 0 0 0 0 0 0 0 
0 0 0 0 0 0 0 0 0 0 0 0 0 0 0 0 0 0 0 0 0 0 0 0 0 0 0 0 0 0 0 0 0 0 0 0 0 0 0 
0 0 0 0 0 0 0 0 0 0 0 0 0 0
##$VisuCoreDataSlope=( 131 )
0.0392479532730574 0.0392479532730574 0.0392479532730574 0.0392479532730574 
0.0392479532730574 0.0392479532730574 0.0392479532730574 0.0392479532730574 
0.0392479532730574 0.0392479532730574 0.0392479532730574 0.0392479532730574 
0.0392479532730574 0.0392479532730574 0.0392479532730574 0.0392479532730574 
0.0392479532730574 0.0392479532730574 0.0392479532730574 0.0392479532730574 
0.0392479532730574 0.0392479532730574 0.0392479532730574 0.0392479532730574 
0.0392479532730574 0.0392479532730574 0.0392479532730574 0.0392479532730574 
0.0392479532730574 0.0392479532730574 0.0392479532730574 0.0392479532730574 
0.0392479532730574 0.0392479532730574 0.0392479532730574 0.0392479532730574 
0.0392479532730574 0.0392479532730574 0.0392479532730574 0.0392479532730574 
0.0392479532730574 0.0392479532730574 0.0392479532730574 0.0392479532730574 
0.0392479532730574 0.0392479532730574 0.0392479532730574 0.0392479532730574 
0.0392479532730574 0.0392479532730574 0.0392479532730574 0.0392479532730574 
0.0392479532730574 0.0392479532730574 0.0392479532730574 0.0392479532730574 
0.0392479532730574 0.0392479532730574 0.0392479532730574 0.0392479532730574 
0.0392479532730574 0.0392479532730574 0.0392479532730574 0.0392479532730574 
0.0392479532730574 0.0392479532730574 0.0392479532730574 0.0392479532730574 
0.0392479532730574 0.0392479532730574 0.0392479532730574 0.0392479532730574 
0.0392479532730574 0.0392479532730574 0.0392479532730574 0.0392479532730574 
0.0392479532730574 0.0392479532730574 0.0392479532730574 0.0392479532730574 
0.0392479532730574 0.0392479532730574 0.0392479532730574 0.0392479532730574 
0.0392479532730574 0.0392479532730574 0.0392479532730574 0.0392479532730574 
0.0392479532730574 0.0392479532730574 0.0392479532730574 0.0392479532730574 
0.0392479532730574 0.0392479532730574 0.0392479532730574 0.0392479532730574 
0.0392479532730574 0.0392479532730574 0.0392479532730574 0.0392479532730574 
0.0392479532730574 0.0392479532730574 0.0392479532730574 0.0392479532730574 
0.0392479532730574 0.0392479532730574 0.0392479532730574 0.0392479532730574 
0.0392479532730574 0.0392479532730574 0.0392479532730574 0.0392479532730574 
0.0392479532730574 0.0392479532730574 0.0392479532730574 0.0392479532730574 
0.0392479532730574 0.0392479532730574 0.0392479532730574 0.0392479532730574 
0.0392479532730574 0.0392479532730574 0.0392479532730574 0.0392479532730574 
0.0392479532730574 0.0392479532730574 0.0392479532730574 0.0392479532730574 
0.0392479532730574 0.0392479532730574 0.0392479532730574
##$VisuCoreFrameType=( 1 )
MAGNITUDE_IMAGE
##$VisuCoreWordType=_16BIT_SGN_INT
##$VisuCoreByteOrder=littleEndian
##$VisuFGOrderDescDim=1
##$VisuFGOrderDesc=( 1 )
(131, <FG_CYCLE>, <>, 0, 0)
##$VisuGroupDepVals=( 1 )
(<>, 0)
##$VisuSubjectName=( 65 )
<210118_phantom_pdc_DMHT>
##$VisuSubjectId=( 65 )
<210118_phantom_pdc_DMHT>
##$VisuSubjectUid=( 65 )
<2.16.756.5.5.100.8323328.82851.1610954120.3>
##$VisuSubjectInstanceCreationDate=(1610954120, 114, 120)
##$VisuSubjectBirthDate=( 9 )
<20210118>
##$VisuSubjectSex=UNDEFINED
##$VisuSubjectType=Other
##$VisuStudyUid=( 65 )
<2.16.756.5.5.100.8323328.82851.1610954120.4>
##$VisuStudyDate=<2021-01-18T09:15:20,115+0200>
##$VisuStudyId=( 65 )
<210118_phantom_pdc_DMHT>
##$VisuStudyNumber=1
##$VisuSubjectWeight=0.001
##$VisuStudyReferringPhysician=( 65 )
<amnon>
##$VisuStudyDescription=( 2048 )
<\
>
##$VisuExperimentNumber=15
##$VisuProcessingNumber=1
##$VisuSeriesDate=<2021-01-18T22:50:09,148+0200>
##$VisuSubjectPosition=Head_Supine
##$VisuSeriesTypeId=( 65 )
<ACQ_USER_PVM>
##$VisuManufacturer=( 65 )
<Bruker BioSpin MRI GmbH>
##$VisuAcqSoftwareVersion=( 65 )
<6.0.1>
##$VisuInstitution=( 65 )
<Weizmann Institute>
##$VisuStation=( 65 )
<BioSpec 152/II US/R>
##$VisuSystemOrderNumber=( 65 )
<10224363>
##$VisuAcqDate=<2021-01-18T21:05:16,389+0200>
##$VisuAcqEchoTrainLength=16
##$VisuAcqSequenceName=( 40 )
<User:rare_cest>
##$VisuAcqNumberOfAverages=2
##$VisuAcqImagingFrequency=650.054339444703
##$VisuAcqImagedNucleus=( 8 )
<1H>
##$VisuAcqRepetitionTime=( 1 )
6000
##$VisuAcqPhaseEncSteps=64
##$VisuAcqPixelBandwidth=781.25
##$VisuAcqFlipAngle=180
##$VisuAcqSize=( 2 )
64 64
##$VisuAcqImageSizeAccellerated=No
##$VisuAcqGradEncoding=( 2 )
phase_enc read_enc
##$VisuAcqEchoTime=( 1 )
36.704
##$VisuAcquisitionProtocol=( 65 )
<6_rare_cest_bruker_zspect_10ppm>
##$VisuAcqScanTime=6288000
##$VisuAcqAntiAlias=( 2 )
1 1
##$VisuAcqEchoSequenceType=Both
##$VisuAcqSpinsVelocityEncoded=No
##$VisuAcqHasTimeOfFlightContrast=No
##$VisuAcqIsEpiSequence=No
##$VisuAcqSpectralSuppression=NoSuppression
##$VisuAcqKSpaceTraversal=RectilinearTraversal
##$VisuAcqEncodingOrder=( 2 )
LinearEncoding LinearEncoding
##$VisuAcqKSpaceTrajectoryCnt=1
##$VisuAcqKSpaceFiltering=( 2 )
NO_WDW NO_WDW
##$VisuAcqFlowCompensation=FlowNone
##$VisuAcqSpoiling=GradientSpoiled
##$VisuAcqPartialFourier=( 2 )
1 1
##$VisuAcqParallelReductionFactor=( 2 )
1 1
##$VisuAcqMagnetizationTransfer=No
##$VisuAcqBloodSignalNulling=No
##$VisuCardiacSynchUsed=No
##$VisuRespSynchUsed=No
##END=
$$ File finished by PARX at 2021-01-18 22:50:09.195 +0200
