##TITLE=Parameter List, ParaVision 6.0.1
##JCAMPDX=4.24
##DATATYPE=Parameter Values
##ORIGIN=Bruker BioSpin MRI GmbH
##OWNER=amnon
$$ 2021-01-18 17:01:11.407 +0200  amnon@wis15nmrpc
$$ /opt/PV6.0.1/data/amnon/20210118_091520_210118_phantom_pdc_DMHT_1_1/10/pdata/1/visu_pars
$$ process /opt/PV6.0.1/prog/bin/parxserver
##$VisuVersion=3
##$VisuUid=( 65 )
<2.16.756.5.5.100.8323328.96608.1610982071.1>
##$VisuCreator=( 65 )
<ParaVision>
##$VisuCreatorVersion=( 65 )
<6.0.1>
##$VisuCreationDate=<2021-01-18T17:01:11,406+0200>
##$VisuInstanceModality=( 65 )
<MR>
$$ @vis= VisuVersion VisuUid VisuCreator VisuCreatorVersion VisuCreationDate
##$VisuCoreFrameCount=131
##$VisuCoreDim=2
##$VisuCoreSize=( 2 )
64 64
$$ @vis= VisuInstanceModality VisuInstance VisuCoreFrameCount VisuCoreDim
##$VisuCoreDimDesc=( 2 )
spatial spatial
##$VisuCoreExtent=( 2 )
15 15
##$VisuCoreFrameThickness=( 1 )
1
##$VisuCoreUnits=( 2, 65 )
<mm> <mm>
$$ @vis= VisuCoreSize VisuCoreDimDesc VisuCoreExtent VisuCoreFrameThickness
##$VisuCoreOrientation=( 1, 9 )
-0.868010976467019 -0.496545007761403 0 -0.496545007761403 0.868010976467019 
0 0 0 -1
##$VisuCorePosition=( 1, 3 )
9.90959488171316 -3.50930176529212 3.17
##$VisuCoreDataMin=( 131 )
2.46056105897596 2.27696366832291 2.50194035858422 1.98810072068904 
0.997258141884675 1.51709512061144 2.10290967882202 4.08121633178744 
3.55914887363342 1.08704265476539 2.94079392699124 2.52582213329733 
3.38419007452509 1.65769163321126 3.27736459811856 0.607651294901998 
1.87065319456563 1.6070646417408 1.86308498142113 1.09638216227382 
4.16472358546269 1.44295990812558 2.77538778740556 0.698100209385459 
1.40992859964966 1.59287399714303 3.8957381545457 2.82284301010372 
2.62207628375068 4.8829819688164 1.44644319338384 0.299803158611319 
0.84248098210878 1.01312670023193 3.0276213688554 4.66920436216101 
2.25306839961028 2.78868277651639 3.3451910682646 2.50147730163047 
1.82899092827965 2.66339680813786 2.04345367669716 1.82801208698308 
2.6866833754073 1.03916676497443 1.40884181922047 3.98878544988441 
2.52050996613401 3.58502592559347 1.38146597527612 3.66772248342461 
4.49686543558608 2.60838289179204 0.56325254931606 2.54115258083424 
0.658055537527329 1.02859289691402 2.22271005943944 2.38656360016316 
2.05139689502995 4.63793057965703 2.45795212157488 1.29349637438625 
2.11181479501193 1.78927819630514 1.86517411203609 3.973875009762 
2.88494343044782 2.57060053947464 4.51058552758398 5.1782338788852 
1.14315019443702 4.43170913242702 1.74414810704748 0.967161466098919 
2.49836704607587 3.7087373380656 1.32480068520134 3.8417609450278 
1.95416495182586 1.59156654160955 2.77118135904013 1.45992767594615 
2.06251154162091 2.01674525098133 2.86412072925406 5.58014931455229 
4.42907973502331 4.03059732488728 4.93629550859582 3.2093217875956 
2.95001039566461 1.03814201086503 4.16375919120603 2.19847367878904 
2.08496716680245 0.544144377237342 4.36524378719043 2.94797724211917 
3.83985399752264 1.99901432042411 2.36307948453913 1.72198611173005 
2.2101243231805 3.21940264349986 3.039451422553 3.00085389537623 
2.14138837304264 1.38511288231229 3.61114130555198 3.88231377082609 
4.28881707213652 2.36218410138302 3.77271351301474 3.11551320421508 
1.95782984570925 3.18740514085018 0.565061222829731 6.18254449999732 
5.07734325737487 3.32637135495904 1.38894287136513 3.85961159185626 
2.51764457910733 5.60669034407583 1.59596725038244 3.46994379128193 
2.3864597011274 1.83587608891721 2.84882436487256
##$VisuCoreDataMax=( 131 )
32766.5 32517.9293757126 32409.67444613 32419.1845940738 32271.7656062165 
32385.41738257 32417.5749908644 32285.64832705 32294.5497931873 
32183.771932928 32388.6388752497 32346.4606836616 32135.6679156659 
32372.0792516924 32176.5059153875 32174.4512094474 32233.411976518 
32131.029650581 32174.442661194 32277.7690583383 32009.0501387233 
32260.8462495037 32213.0258204925 32148.5746845784 32161.2167067738 
32233.6667875808 32242.7094675329 32090.0709477551 32293.752978228 
32097.745747319 32084.5825536924 32244.1476951921 32180.8306121994 
32175.2881529248 32077.2437144925 32161.6895373811 32100.0499247887 
32213.7597525972 32138.6742643098 32134.7181202823 32094.9399879173 
32078.515006485 32132.0882891831 32078.0772394705 32118.4219530926 
32127.1356175061 32099.2467946878 32130.7652419527 32175.0086862134 
32104.0709280999 32135.6831252558 32057.81468409 31950.0457777955 
32065.3720053282 31971.5311320815 31878.7013989477 31847.4929139374 
31797.8483309107 31749.9705071723 31627.0383697623 31464.6371709246 
31189.6161339408 30902.9740149403 29764.4838936734 27181.1275486085 
17847.0023487588 17729.48255617 25280.0955393772 27930.7067443966 
28879.78348574 29394.7602322955 29649.0089678545 30067.3892436568 
30543.4418520837 30782.0913440083 31102.2827517376 31045.2197790636 
31264.550069983 31437.9473363819 31539.6013621687 31588.3389775521 
31612.9027482168 31618.2813966755 31629.5916016845 31637.3021861721 
31895.2164813438 31659.6472594562 31708.2672583803 31702.3283790368 
31803.195514002 31823.5324756818 31799.9699812381 31776.2531274436 
31822.1948285162 31811.6102728626 31770.2540626461 31811.7332763764 
31774.8355176297 31708.3678356658 31705.9900899346 31837.8837034507 
31882.4793812715 31895.1921066891 31894.3336890424 31898.1158894212 
31862.1692958636 31879.2448343871 31866.0027649596 31805.5672531297 
31865.441969225 31936.6307866968 32000.0779398336 31935.9748614833 
31867.2056976745 31894.2829601864 31844.104057058 31977.8875738822 
31944.3546238763 31848.9996214633 31890.6115818557 31827.4021764524 
31896.2140680907 31935.449453136 31915.8943725384 31968.6391374461 
31776.3025960326 31867.7173523359 31779.413282191 31806.149530972 
31918.736444418 31977.7815582428
$$ @vis= VisuCoreUnits VisuCoreOrientation VisuCorePosition VisuCoreDataMin
##$VisuCoreDataOffs=( 131 )
0 0 0 0 0 0 0 0 0 0 0 0 0 0 0 0 0 0 0 0 0 0 0 0 0 0 0 0 0 0 0 0 0 0 0 0 0 0 0 
0 0 0 0 0 0 0 0 0 0 0 0 0 0 0 0 0 0 0 0 0 0 0 0 0 0 0 0 0 0 0 0 0 0 0 0 0 0 0 
0 0 0 0 0 0 0 0 0 0 0 0 0 0 0 0 0 0 0 0 0 0 0 0 0 0 0 0 0 0 0 0 0 0 0 0 0 0 0 
0 0 0 0 0 0 0 0 0 0 0 0 0 0
##$VisuCoreDataSlope=( 131 )
0.0411505834022833 0.0411505834022833 0.0411505834022833 0.0411505834022833 
0.0411505834022833 0.0411505834022833 0.0411505834022833 0.0411505834022833 
0.0411505834022833 0.0411505834022833 0.0411505834022833 0.0411505834022833 
0.0411505834022833 0.0411505834022833 0.0411505834022833 0.0411505834022833 
0.0411505834022833 0.0411505834022833 0.0411505834022833 0.0411505834022833 
0.0411505834022833 0.0411505834022833 0.0411505834022833 0.0411505834022833 
0.0411505834022833 0.0411505834022833 0.0411505834022833 0.0411505834022833 
0.0411505834022833 0.0411505834022833 0.0411505834022833 0.0411505834022833 
0.0411505834022833 0.0411505834022833 0.0411505834022833 0.0411505834022833 
0.0411505834022833 0.0411505834022833 0.0411505834022833 0.0411505834022833 
0.0411505834022833 0.0411505834022833 0.0411505834022833 0.0411505834022833 
0.0411505834022833 0.0411505834022833 0.0411505834022833 0.0411505834022833 
0.0411505834022833 0.0411505834022833 0.0411505834022833 0.0411505834022833 
0.0411505834022833 0.0411505834022833 0.0411505834022833 0.0411505834022833 
0.0411505834022833 0.0411505834022833 0.0411505834022833 0.0411505834022833 
0.0411505834022833 0.0411505834022833 0.0411505834022833 0.0411505834022833 
0.0411505834022833 0.0411505834022833 0.0411505834022833 0.0411505834022833 
0.0411505834022833 0.0411505834022833 0.0411505834022833 0.0411505834022833 
0.0411505834022833 0.0411505834022833 0.0411505834022833 0.0411505834022833 
0.0411505834022833 0.0411505834022833 0.0411505834022833 0.0411505834022833 
0.0411505834022833 0.0411505834022833 0.0411505834022833 0.0411505834022833 
0.0411505834022833 0.0411505834022833 0.0411505834022833 0.0411505834022833 
0.0411505834022833 0.0411505834022833 0.0411505834022833 0.0411505834022833 
0.0411505834022833 0.0411505834022833 0.0411505834022833 0.0411505834022833 
0.0411505834022833 0.0411505834022833 0.0411505834022833 0.0411505834022833 
0.0411505834022833 0.0411505834022833 0.0411505834022833 0.0411505834022833 
0.0411505834022833 0.0411505834022833 0.0411505834022833 0.0411505834022833 
0.0411505834022833 0.0411505834022833 0.0411505834022833 0.0411505834022833 
0.0411505834022833 0.0411505834022833 0.0411505834022833 0.0411505834022833 
0.0411505834022833 0.0411505834022833 0.0411505834022833 0.0411505834022833 
0.0411505834022833 0.0411505834022833 0.0411505834022833 0.0411505834022833 
0.0411505834022833 0.0411505834022833 0.0411505834022833 0.0411505834022833 
0.0411505834022833 0.0411505834022833 0.0411505834022833
##$VisuCoreFrameType=( 1 )
MAGNITUDE_IMAGE
$$ @vis= VisuCoreDataMax VisuCoreDataOffs VisuCoreDataSlope VisuCoreFrameType
##$VisuCoreWordType=_16BIT_SGN_INT
##$VisuCoreByteOrder=littleEndian
##$VisuFGOrderDescDim=1
$$ @vis= VisuCore VisuCoreWordType VisuCoreByteOrder VisuPixel
##$VisuFGOrderDesc=( 1 )
(131, <FG_CYCLE>, <>, 0, 0)
##$VisuGroupDepVals=( 1 )
(<>, 0)
$$ @vis= VisuFGOrderDescDim VisuFGOrderDesc VisuGroupDepVals
##$VisuSubjectName=( 65 )
<210118_phantom_pdc_DMHT>
##$VisuSubjectId=( 65 )
<210118_phantom_pdc_DMHT>
##$VisuSubjectUid=( 65 )
<2.16.756.5.5.100.8323328.82851.1610954120.3>
##$VisuSubjectInstanceCreationDate=(1610954120, 114, 120)
$$ @vis= VisuFrameOrderDesc VisuSubjectName VisuSubjectId VisuSubjectUid
##$VisuSubjectBirthDate=( 9 )
<20210118>
##$VisuSubjectSex=UNDEFINED
##$VisuSubjectType=Other
$$ @vis= VisuSubjectInstanceCreationDate VisuSubjectBirthDate VisuSubjectSex
##$VisuStudyUid=( 65 )
<2.16.756.5.5.100.8323328.82851.1610954120.4>
##$VisuStudyDate=<2021-01-18T09:15:20,115+0200>
##$VisuStudyId=( 65 )
<210118_phantom_pdc_DMHT>
##$VisuStudyNumber=1
$$ @vis= VisuSubjectType VisuSubject VisuStudyUid VisuStudyDate VisuStudyId
##$VisuSubjectWeight=0.001
##$VisuStudyReferringPhysician=( 65 )
<amnon>
##$VisuStudyDescription=( 2048 )
<\
>
$$ @vis= VisuStudyNumber VisuSubjectWeight VisuStudyReferringPhysician
##$VisuExperimentNumber=10
##$VisuProcessingNumber=1
$$ @vis= VisuStudyDescription VisuStudy VisuExperimentNumber
##$VisuSeriesDate=<2021-01-18T17:01:11,406+0200>
##$VisuSubjectPosition=Head_Supine
##$VisuSeriesTypeId=( 65 )
<ACQ_USER_PVM>
$$ @vis= VisuProcessingNumber VisuSeriesDate VisuSubjectPosition
$$ @vis= VisuSeriesTypeId VisuSeries VisuCoilReceive VisuCoilTransmit
##$VisuManufacturer=( 65 )
<Bruker BioSpin MRI GmbH>
##$VisuAcqSoftwareVersion=( 65 )
<6.0.1>
##$VisuInstitution=( 65 )
<Weizmann Institute>
$$ @vis= VisuContrastAgent VisuManufacturer VisuAcqSoftwareVersion
##$VisuStation=( 65 )
<BioSpec 152/II US/R>
##$VisuSystemOrderNumber=( 65 )
<10224363>
##$VisuAcqDate=<2021-01-18T15:16:18,624+0200>
$$ @vis= VisuInstitution VisuStation VisuSystemOrderNumber VisuEquipment
##$VisuAcqEchoTrainLength=16
##$VisuAcqSequenceName=( 40 )
<User:rare_cest>
##$VisuAcqNumberOfAverages=2
$$ @vis= VisuAcqDate VisuAcqEchoTrainLength VisuAcqSequenceName
##$VisuAcqImagingFrequency=650.054339444703
##$VisuAcqImagedNucleus=( 8 )
<1H>
##$VisuAcqRepetitionTime=( 1 )
6000
$$ @vis= VisuAcqNumberOfAverages VisuAcqImagingFrequency VisuAcqImagedNucleus
##$VisuAcqPhaseEncSteps=64
##$VisuAcqPixelBandwidth=781.25
##$VisuAcqFlipAngle=180
$$ @vis= VisuAcqRepetitionTime VisuAcqPhaseEncSteps VisuAcqPixelBandwidth
##$VisuAcqSize=( 2 )
64 64
##$VisuAcqImageSizeAccellerated=No
##$VisuAcqGradEncoding=( 2 )
phase_enc read_enc
$$ @vis= VisuAcqFlipAngle VisuAcqSize VisuAcqImageSizeAccellerated
##$VisuAcqEchoTime=( 1 )
36.704
##$VisuAcquisitionProtocol=( 65 )
<6_rare_cest_bruker_zspect_10ppm>
##$VisuAcqScanTime=6288000
$$ @vis= VisuAcqGradEncoding VisuAcqEchoTime VisuAcquisitionProtocol
##$VisuAcqAntiAlias=( 2 )
1 1
##$VisuAcqEchoSequenceType=Both
##$VisuAcqSpinsVelocityEncoded=No
$$ @vis= VisuAcqScanTime VisuAcqAntiAlias VisuAcqEchoSequenceType
##$VisuAcqHasTimeOfFlightContrast=No
##$VisuAcqIsEpiSequence=No
$$ @vis= VisuAcqSpinsVelocityEncoded VisuAcqHasTimeOfFlightContrast
##$VisuAcqSpectralSuppression=NoSuppression
##$VisuAcqKSpaceTraversal=RectilinearTraversal
$$ @vis= VisuAcqIsEpiSequence VisuAcqSpectralSuppression
##$VisuAcqEncodingOrder=( 2 )
LinearEncoding LinearEncoding
##$VisuAcqKSpaceTrajectoryCnt=1
$$ @vis= VisuAcqKSpaceTraversal VisuAcqEncodingOrder
##$VisuAcqKSpaceFiltering=( 2 )
NO_WDW NO_WDW
##$VisuAcqFlowCompensation=FlowNone
$$ @vis= VisuAcqKSpaceTrajectoryCnt VisuAcqKSpaceFiltering
##$VisuAcqSpoiling=GradientSpoiled
##$VisuAcqPartialFourier=( 2 )
1 1
##$VisuAcqParallelReductionFactor=( 2 )
1 1
$$ @vis= VisuAcqFlowCompensation VisuAcqSpoiling VisuAcqPartialFourier
##$VisuAcqMagnetizationTransfer=No
##$VisuAcqBloodSignalNulling=No
$$ @vis= VisuAcqParallelReductionFactor VisuAcqMagnetizationTransfer
##$VisuCardiacSynchUsed=No
##$VisuRespSynchUsed=No
$$ @vis= VisuAcqBloodSignalNulling VisuCardiacSynchUsed VisuRespSynchUsed
$$ @vis= VisuAcquisition VisuMpi VisuDepricated Visu
##END=
$$ File finished by PARX at 2021-01-18 17:01:11.408 +0200
