##TITLE=Parameter List, ParaVision 6.0.1
##JCAMPDX=4.24
##DATATYPE=Parameter Values
##ORIGIN=Bruker BioSpin MRI GmbH
##OWNER=amnon
$$ 2021-01-18 21:04:53.465 +0200  amnon@wis15nmrpc
$$ /opt/PV6.0.1/data/amnon/20210118_091520_210118_phantom_pdc_DMHT_1_1/14/pdata/1/visu_pars
$$ process /opt/PV6.0.1/prog/bin/parxserver
##$VisuVersion=3
##$VisuUid=( 65 )
<2.16.756.5.5.100.8323328.2731.1610996693.1>
##$VisuCreator=( 65 )
<ParaVision>
##$VisuCreatorVersion=( 65 )
<6.0.1>
##$VisuCreationDate=<2021-01-18T21:04:53,464+0200>
##$VisuInstanceModality=( 65 )
<MR>
$$ @vis= VisuVersion VisuUid VisuCreator VisuCreatorVersion VisuCreationDate
##$VisuCoreFrameCount=131
##$VisuCoreDim=2
##$VisuCoreSize=( 2 )
64 64
$$ @vis= VisuInstanceModality VisuInstance VisuCoreFrameCount VisuCoreDim
##$VisuCoreDimDesc=( 2 )
spatial spatial
##$VisuCoreExtent=( 2 )
15 15
##$VisuCoreFrameThickness=( 1 )
1
##$VisuCoreUnits=( 2, 65 )
<mm> <mm>
$$ @vis= VisuCoreSize VisuCoreDimDesc VisuCoreExtent VisuCoreFrameThickness
##$VisuCoreOrientation=( 1, 9 )
-0.868010976467019 -0.496545007761403 0 -0.496545007761403 0.868010976467019 
0 0 0 -1
##$VisuCorePosition=( 1, 3 )
9.90959488171316 -3.50930176529212 3.17
##$VisuCoreDataMin=( 131 )
1.94485130091821 0.972583557223098 1.06986775128478 3.36059946856862 
0.851089068839635 2.23888290945389 2.34064804177677 3.7658722696089 
1.9133809515884 3.52041275395798 3.76139049898098 2.51657066918598 
1.37842029547763 4.17162631554537 1.57683239622481 1.62801222360329 
1.65402101003762 4.74986754886567 3.78759942489587 2.49355589526691 
2.19509628164835 1.7159067231944 1.67056983046385 2.72881235135145 
1.09971463928868 2.18823434779166 2.77018632414765 3.69445039192554 
2.35624899238817 1.11511231676358 1.07784892874377 2.17499868828792 
3.31655904643978 2.92878662208259 0.606535649211866 4.09591523031667 
3.4859317721551 2.17892935753438 2.34679677171813 1.41410630559319 
2.0958176973149 2.83527259006284 1.39940654762133 1.95355632589103 
1.11689222824908 2.98158413798124 2.20215543532106 1.6683462423574 
1.85617420115086 0.885577883376171 1.30548400786516 4.3421341481149 
2.07672637881893 1.51426073057576 1.37714337474805 1.92670505870358 
3.22941050808951 4.53885198645307 2.12924914270928 1.41546637166725 
1.54897196100338 0.945592497315308 4.57790230720741 1.38625629438251 
2.24986270974192 1.90245022467772 1.51208851748083 1.22749511945522 
2.98085107260031 1.07467661377134 1.26191530591296 1.36544984909749 
5.30046714675967 0.445159356504499 2.54282523060312 1.18887037089252 
3.49897862912519 3.84606386818583 3.43052629152824 1.51096803431074 
0.914144176876094 4.38067134226247 1.12771649167995 2.77199050862722 
2.15234374538267 3.5177133608061 2.34996025723394 0.819774489283603 
0.882610640220299 3.19963475568515 0.894881227063271 0.978317329406203 
0.839477490366148 2.4658725485422 4.1722991328105 4.65897121989404 
3.76892838601362 3.22475984803445 2.59454484187947 2.47659610961703 
0.900457465341368 0.887822703481814 2.04379128531824 0.546325527125293 
4.30857478273701 1.57794645908321 3.24697561440891 0.765870656874671 
4.3655554851346 0.216793257892845 0.470689856600575 1.69100843438008 
2.95509755635375 1.54870096381371 2.29453782546924 3.69930987583365 
2.07598934607845 2.01148115101751 2.45868364402206 1.20725105372972 
3.18010318897962 1.95744879214806 2.84571953861978 3.85765542629718 
2.62665772996047 3.88408146197886 1.01616380026169 1.95235798008721 
2.41457424419718 1.41555641177633 2.96433317413663
##$VisuCoreDataMax=( 131 )
32766.5 32394.457899512 32334.9638198301 32349.2638927685 32277.4300932252 
32291.5136551757 32339.8374561574 32392.5358743691 32266.0485781134 
32348.1326883795 32298.4650430571 32341.8777783664 32182.9531909675 
32264.0374458648 32314.7578976567 32168.8617242845 32240.9068242588 
32229.3950173133 32209.8326650134 32199.7696172817 32249.1525578375 
32125.4508792493 32177.6787894792 32244.2267152503 32193.0334036034 
32143.1938451368 32137.2106933934 32157.1171411156 32148.7534101771 
32051.2890854002 32021.0512866088 32045.6067865042 32092.3537102362 
32041.6731073212 32101.0719405374 32128.9576885042 32074.7614504857 
32146.1219759618 31888.9097125547 32120.1912658967 31875.0717365406 
31923.3860247102 31981.9655618229 31842.9077523026 31857.6479537316 
31691.3766860824 31722.3424380834 31708.7343533236 31568.510123568 
31678.0619387194 31622.8803455992 31451.2660371099 31308.3545200473 
31239.6640558906 31067.3424524693 30888.3290754086 30671.6379529018 
30308.6171681339 29899.2392633612 29425.8613958732 28423.9587522172 
26702.1919287349 23882.8633782661 19409.3826118162 11643.578924182 
3958.43329516093 8466.97970840492 16590.6418506255 21808.1023623376 
24665.2140179642 26349.9868774501 27859.1255984608 28658.2936201854 
29237.6261799793 29640.6974060064 29795.6711955554 30067.8860042887 
30233.2484008262 30518.3726310615 30660.5531633262 30819.4218792742 
31010.6693313712 31225.310159065 31174.186371744 31120.1481113386 
31278.9300473 31407.5502720424 31311.391425427 31380.4412177362 
31439.9403222073 31631.7614850999 31476.0743454907 31505.5388889917 
31509.195570222 31495.2203636872 31413.9944873786 31426.5732542866 
31428.4581589451 31378.8063818386 31471.2443969961 31426.1401214405 
31645.7494241687 31630.5528197811 31767.0634527686 31693.1748059581 
31760.6091460465 31724.0550619231 31704.1559107004 31979.2812557983 
31787.3791739534 31718.2115576336 31704.035510138 31779.8910292847 
31730.888983319 31888.0580666465 31806.7825217767 31770.4016771795 
31670.7940931527 31670.7306965871 31823.2860373239 31753.3687459902 
31698.3554008406 31740.9009634783 31694.4526402949 31801.0045894107 
31771.1801310245 31809.4152037144 31651.8092014745 31771.2381601913 
31698.7442338412 31835.9778536792
$$ @vis= VisuCoreUnits VisuCoreOrientation VisuCorePosition VisuCoreDataMin
##$VisuCoreDataOffs=( 131 )
0 0 0 0 0 0 0 0 0 0 0 0 0 0 0 0 0 0 0 0 0 0 0 0 0 0 0 0 0 0 0 0 0 0 0 0 0 0 0 
0 0 0 0 0 0 0 0 0 0 0 0 0 0 0 0 0 0 0 0 0 0 0 0 0 0 0 0 0 0 0 0 0 0 0 0 0 0 0 
0 0 0 0 0 0 0 0 0 0 0 0 0 0 0 0 0 0 0 0 0 0 0 0 0 0 0 0 0 0 0 0 0 0 0 0 0 0 0 
0 0 0 0 0 0 0 0 0 0 0 0 0 0
##$VisuCoreDataSlope=( 131 )
0.0396953611229359 0.0396953611229359 0.0396953611229359 0.0396953611229359 
0.0396953611229359 0.0396953611229359 0.0396953611229359 0.0396953611229359 
0.0396953611229359 0.0396953611229359 0.0396953611229359 0.0396953611229359 
0.0396953611229359 0.0396953611229359 0.0396953611229359 0.0396953611229359 
0.0396953611229359 0.0396953611229359 0.0396953611229359 0.0396953611229359 
0.0396953611229359 0.0396953611229359 0.0396953611229359 0.0396953611229359 
0.0396953611229359 0.0396953611229359 0.0396953611229359 0.0396953611229359 
0.0396953611229359 0.0396953611229359 0.0396953611229359 0.0396953611229359 
0.0396953611229359 0.0396953611229359 0.0396953611229359 0.0396953611229359 
0.0396953611229359 0.0396953611229359 0.0396953611229359 0.0396953611229359 
0.0396953611229359 0.0396953611229359 0.0396953611229359 0.0396953611229359 
0.0396953611229359 0.0396953611229359 0.0396953611229359 0.0396953611229359 
0.0396953611229359 0.0396953611229359 0.0396953611229359 0.0396953611229359 
0.0396953611229359 0.0396953611229359 0.0396953611229359 0.0396953611229359 
0.0396953611229359 0.0396953611229359 0.0396953611229359 0.0396953611229359 
0.0396953611229359 0.0396953611229359 0.0396953611229359 0.0396953611229359 
0.0396953611229359 0.0396953611229359 0.0396953611229359 0.0396953611229359 
0.0396953611229359 0.0396953611229359 0.0396953611229359 0.0396953611229359 
0.0396953611229359 0.0396953611229359 0.0396953611229359 0.0396953611229359 
0.0396953611229359 0.0396953611229359 0.0396953611229359 0.0396953611229359 
0.0396953611229359 0.0396953611229359 0.0396953611229359 0.0396953611229359 
0.0396953611229359 0.0396953611229359 0.0396953611229359 0.0396953611229359 
0.0396953611229359 0.0396953611229359 0.0396953611229359 0.0396953611229359 
0.0396953611229359 0.0396953611229359 0.0396953611229359 0.0396953611229359 
0.0396953611229359 0.0396953611229359 0.0396953611229359 0.0396953611229359 
0.0396953611229359 0.0396953611229359 0.0396953611229359 0.0396953611229359 
0.0396953611229359 0.0396953611229359 0.0396953611229359 0.0396953611229359 
0.0396953611229359 0.0396953611229359 0.0396953611229359 0.0396953611229359 
0.0396953611229359 0.0396953611229359 0.0396953611229359 0.0396953611229359 
0.0396953611229359 0.0396953611229359 0.0396953611229359 0.0396953611229359 
0.0396953611229359 0.0396953611229359 0.0396953611229359 0.0396953611229359 
0.0396953611229359 0.0396953611229359 0.0396953611229359 0.0396953611229359 
0.0396953611229359 0.0396953611229359 0.0396953611229359
##$VisuCoreFrameType=( 1 )
MAGNITUDE_IMAGE
$$ @vis= VisuCoreDataMax VisuCoreDataOffs VisuCoreDataSlope VisuCoreFrameType
##$VisuCoreWordType=_16BIT_SGN_INT
##$VisuCoreByteOrder=littleEndian
##$VisuFGOrderDescDim=1
$$ @vis= VisuCore VisuCoreWordType VisuCoreByteOrder VisuPixel
##$VisuFGOrderDesc=( 1 )
(131, <FG_CYCLE>, <>, 0, 0)
##$VisuGroupDepVals=( 1 )
(<>, 0)
$$ @vis= VisuFGOrderDescDim VisuFGOrderDesc VisuGroupDepVals
##$VisuSubjectName=( 65 )
<210118_phantom_pdc_DMHT>
##$VisuSubjectId=( 65 )
<210118_phantom_pdc_DMHT>
##$VisuSubjectUid=( 65 )
<2.16.756.5.5.100.8323328.82851.1610954120.3>
##$VisuSubjectInstanceCreationDate=(1610954120, 114, 120)
$$ @vis= VisuFrameOrderDesc VisuSubjectName VisuSubjectId VisuSubjectUid
##$VisuSubjectBirthDate=( 9 )
<20210118>
##$VisuSubjectSex=UNDEFINED
##$VisuSubjectType=Other
$$ @vis= VisuSubjectInstanceCreationDate VisuSubjectBirthDate VisuSubjectSex
##$VisuStudyUid=( 65 )
<2.16.756.5.5.100.8323328.82851.1610954120.4>
##$VisuStudyDate=<2021-01-18T09:15:20,115+0200>
##$VisuStudyId=( 65 )
<210118_phantom_pdc_DMHT>
##$VisuStudyNumber=1
$$ @vis= VisuSubjectType VisuSubject VisuStudyUid VisuStudyDate VisuStudyId
##$VisuSubjectWeight=0.001
##$VisuStudyReferringPhysician=( 65 )
<amnon>
##$VisuStudyDescription=( 2048 )
<\
>
$$ @vis= VisuStudyNumber VisuSubjectWeight VisuStudyReferringPhysician
##$VisuExperimentNumber=14
##$VisuProcessingNumber=1
$$ @vis= VisuStudyDescription VisuStudy VisuExperimentNumber
##$VisuSeriesDate=<2021-01-18T21:04:53,464+0200>
##$VisuSubjectPosition=Head_Supine
##$VisuSeriesTypeId=( 65 )
<ACQ_USER_PVM>
$$ @vis= VisuProcessingNumber VisuSeriesDate VisuSubjectPosition
$$ @vis= VisuSeriesTypeId VisuSeries VisuCoilReceive VisuCoilTransmit
##$VisuManufacturer=( 65 )
<Bruker BioSpin MRI GmbH>
##$VisuAcqSoftwareVersion=( 65 )
<6.0.1>
##$VisuInstitution=( 65 )
<Weizmann Institute>
$$ @vis= VisuContrastAgent VisuManufacturer VisuAcqSoftwareVersion
##$VisuStation=( 65 )
<BioSpec 152/II US/R>
##$VisuSystemOrderNumber=( 65 )
<10224363>
##$VisuAcqDate=<2021-01-18T19:20:00,457+0200>
$$ @vis= VisuInstitution VisuStation VisuSystemOrderNumber VisuEquipment
##$VisuAcqEchoTrainLength=16
##$VisuAcqSequenceName=( 40 )
<User:rare_cest>
##$VisuAcqNumberOfAverages=2
$$ @vis= VisuAcqDate VisuAcqEchoTrainLength VisuAcqSequenceName
##$VisuAcqImagingFrequency=650.054339444703
##$VisuAcqImagedNucleus=( 8 )
<1H>
##$VisuAcqRepetitionTime=( 1 )
6000
$$ @vis= VisuAcqNumberOfAverages VisuAcqImagingFrequency VisuAcqImagedNucleus
##$VisuAcqPhaseEncSteps=64
##$VisuAcqPixelBandwidth=781.25
##$VisuAcqFlipAngle=180
$$ @vis= VisuAcqRepetitionTime VisuAcqPhaseEncSteps VisuAcqPixelBandwidth
##$VisuAcqSize=( 2 )
64 64
##$VisuAcqImageSizeAccellerated=No
##$VisuAcqGradEncoding=( 2 )
phase_enc read_enc
$$ @vis= VisuAcqFlipAngle VisuAcqSize VisuAcqImageSizeAccellerated
##$VisuAcqEchoTime=( 1 )
36.704
##$VisuAcquisitionProtocol=( 65 )
<6_rare_cest_bruker_zspect_10ppm>
##$VisuAcqScanTime=6288000
$$ @vis= VisuAcqGradEncoding VisuAcqEchoTime VisuAcquisitionProtocol
##$VisuAcqAntiAlias=( 2 )
1 1
##$VisuAcqEchoSequenceType=Both
##$VisuAcqSpinsVelocityEncoded=No
$$ @vis= VisuAcqScanTime VisuAcqAntiAlias VisuAcqEchoSequenceType
##$VisuAcqHasTimeOfFlightContrast=No
##$VisuAcqIsEpiSequence=No
$$ @vis= VisuAcqSpinsVelocityEncoded VisuAcqHasTimeOfFlightContrast
##$VisuAcqSpectralSuppression=NoSuppression
##$VisuAcqKSpaceTraversal=RectilinearTraversal
$$ @vis= VisuAcqIsEpiSequence VisuAcqSpectralSuppression
##$VisuAcqEncodingOrder=( 2 )
LinearEncoding LinearEncoding
##$VisuAcqKSpaceTrajectoryCnt=1
$$ @vis= VisuAcqKSpaceTraversal VisuAcqEncodingOrder
##$VisuAcqKSpaceFiltering=( 2 )
NO_WDW NO_WDW
##$VisuAcqFlowCompensation=FlowNone
$$ @vis= VisuAcqKSpaceTrajectoryCnt VisuAcqKSpaceFiltering
##$VisuAcqSpoiling=GradientSpoiled
##$VisuAcqPartialFourier=( 2 )
1 1
##$VisuAcqParallelReductionFactor=( 2 )
1 1
$$ @vis= VisuAcqFlowCompensation VisuAcqSpoiling VisuAcqPartialFourier
##$VisuAcqMagnetizationTransfer=No
##$VisuAcqBloodSignalNulling=No
$$ @vis= VisuAcqParallelReductionFactor VisuAcqMagnetizationTransfer
##$VisuCardiacSynchUsed=No
##$VisuRespSynchUsed=No
$$ @vis= VisuAcqBloodSignalNulling VisuCardiacSynchUsed VisuRespSynchUsed
$$ @vis= VisuAcquisition VisuMpi VisuDepricated Visu
##END=
$$ File finished by PARX at 2021-01-18 21:04:53.467 +0200
