##TITLE= Parameter file, TOPSPIN		Version 3.1PV
##JCAMPDX= 5.0
##DATATYPE= Parameter Values
##NPOINTS= 260	$$ modification sequence number
##ORIGIN= Bruker BioSpin MRI GmbH
##OWNER= amnon
$$ 2020-07-07 14:24:26.879 +0300  amnon@wis15nmrpc
$$ /opt/PV6.0.1/conf/instr/spect/specpar
$$ process /opt/PV6.0.1/prog/mod/cprserver
##$BF1= 650.3
##$BF2= 650.3
##$BF3= 650.3
##$HPMOD= 0 0 1 0 0 0 0 0
##$HPPRECH= -1 1 4 0 -1 -1 -1 -1 -1 -1 -1 -1 -1 -1 -1 -1
##$NUC1= 14
##$NUC2= 0
##$NUC3= 0
##$NUC4= 0
##$NUC5= 0
##$NUC6= 0
##$NUC7= 0
##$NUC8= 0
##$NUCARR= (0..123)
650.146 650.146 99.801369 693.47156 495.277562 95.676044 252.671422 91.3573
69.849463 208.592674 163.479342 46.965799 65.878722 88.136763 611.748449
51.32445 171.97597 39.799565 169.407627 129.165722 263.183925 49.905207
63.700713 53.02412 30.338237 16.652222 43.755014 157.931821 36.652202 36.661973
64.821565 171.007564 36.749477 161.166109 21.050284 154.260623 58.097378
172.389287 184.665474 40.678354 156.043843 198.273101 22.67914 111.32199
123.992679 33.922811 162.887449 175.581797 25.015017 62.771226 212.730723
28.17617 31.858441 60.43951 159.13084 42.369534 43.258732 146.336981 29.940205
33.556434 20.716558 29.751331 26.316733 30.254759 137.931595 144.28804
142.159332 142.464081 212.719638 231.661707 242.443552 155.583689 84.253831
170.141531 205.119561 130.07787 180.806812 53.597523 85.274073 64.588475
72.250257 85.782214 91.83729 199.074705 35.432957 21.844906 27.111088 22.365022
161.626296 71.386031 19.959482 26.200884 156.295098 22.365022 31.337037
138.741156 18.724205 53.897103 113.771038 31.343539 74.14265 52.863371
26.05135 16.364175 77.949905 27.087598 146.442786 147.918617 14.838484
50.486437 11.169508 12.164232 139.760481 11.241024 116.446493 42.984942
371.3842 375.029165 136.014438 104.473833 11.971788 100 100 100
##$OFFSF= (0..7)
-98579.0000000861 0 0 0 0 0 0 0
##$OFFSH= (0..7)
2469.20000006412 0 0 0 0 0 0 0
##$OFFSX= (0..7)
0 0 0 0 0 0 0 0
##$PRECHAN= -1 -1 2 -1 -1 -1 -1 -1 -1 -1 -1 -1 -1 -1 -1 -1
##$RECPRE= -1 0 3 -1 -1 -1 -1 -1 -1 -1 -1 -1 -1 -1 -1 -1
##$RECSEL= 0 1 2 0 0 0 0 0 0 0 0 0 0 0 0 0
##$SELREC= 0 0 0 0 0 0 0 0 0 0
##$SFO1= 611.64987
##$SFO2= 650.146
##$SFO3= 650.146
##$SFO4= 650.146
##$SFO5= 650.146
##$SFO6= 650.146
##$SFO7= 650.146
##$SFO8= 650.146
##END=
