##TITLE=Parameter List, ParaVision 6.0.1
##JCAMPDX=4.24
##DATATYPE=Parameter Values
##ORIGIN=Bruker BioSpin MRI GmbH
##OWNER=amnon
$$ 2021-01-19 02:20:37.945 +0200  amnon@wis15nmrpc
$$ /opt/PV6.0.1/data/amnon/20210118_091520_210118_phantom_pdc_DMHT_1_1/22/visu_pars
$$ process /opt/PV6.0.1/prog/mod/acq_out
##$VisuVersion=3
##$VisuUid=( 65 )
<2.16.756.5.5.100.8323328.76992.1611015637.1>
##$VisuCreator=( 65 )
<ParaVision>
##$VisuCreatorVersion=( 65 )
<6.0.1>
##$VisuCreationDate=<2021-01-19T02:20:37,807+0200>
##$VisuInstanceModality=( 65 )
<MR>
##$VisuCoreFrameCount=131
##$VisuCoreDim=2
##$VisuCoreSize=( 2 )
64 64
##$VisuCoreDimDesc=( 2 )
spatial spatial
##$VisuCoreExtent=( 2 )
15 15
##$VisuCoreFrameThickness=( 1 )
1
##$VisuCoreUnits=( 2, 65 )
<mm> <mm>
##$VisuCoreOrientation=( 1, 9 )
-0.868010976467019 -0.496545007761403 0 -0.496545007761403 0.868010976467019 
0 0 0 -1
##$VisuCorePosition=( 1, 3 )
9.90959488171316 -3.50930176529212 3.17
##$VisuCoreDataMin=( 131 )
3.89958478368521 1.25517794471404 2.69198765117681 0.870232870233827 
1.60532624562203 5.42692295311368 1.63931025917102 2.02526648197736 
5.8812117374404 1.64633732231308 1.13173335120938 1.32706404070118 
2.7644403538042 6.21982165140318 3.24604127398663 4.23472856437845 
3.76178824245014 2.1630324274434 0.376054235787313 2.029105090959 
1.34467934418764 3.44974940280175 0.769207049026261 3.44126277664202 
2.23794955906891 0.610395880453325 0.561648653332724 2.51520046877187 
2.35141341314654 2.5881086228862 2.2625088853448 1.5325425333393 
2.84591747040795 2.53734391212087 2.188139149092 2.14759762883232 
1.83818038179489 2.77922042702125 4.62959628094383 4.95293775015508 
1.80534345775233 0.857414588280924 3.49397973066435 3.3102388879912 
0.94670640823201 4.63563676891858 1.09472985472947 0.866107000906862 
1.56132147067023 1.90646767860756 5.07302213484004 1.14303019754383 
1.67817489836824 1.32123401469878 3.95766513344461 3.696108752406 
5.76064316595186 2.59776447242304 0.548390422480528 0.964144566478094 
1.99422673330653 3.42839995705893 1.90885693684128 0.94483851902334 
1.19310291427679 1.2326268860112 1.68304630245835 0.690917532492908 
2.2372197331242 2.35822780838326 1.18507950117095 1.50727087881995 
2.5285740885276 3.06947789140072 2.85714847059751 0.842563431177454 
4.27997582764073 2.91305064742258 2.83929209987594 2.02335197374731 
6.52734911401144 4.65149447567616 2.6354963627148 1.68765908837676 
1.95759847100182 1.02415697774757 0.985285477891858 1.8389659430959 
3.52634648146566 2.25744851122822 3.66357849572522 1.59569958505934 
1.13689614984768 2.02869729901361 2.20852006619481 1.29423343654862 
3.13745925995549 2.12819597274712 3.2824827464446 1.00323289535605 
1.87011370597766 1.48440314582438 2.40812691729134 0.488253888394605 
3.71437594082103 5.15581697704453 1.65502188188369 3.8563852022005 
2.99649612281201 3.14878998284022 2.41052454281053 3.93376222120566 
0.981147278175698 3.07093944575476 2.99812979741517 3.01457211281066 
2.27531966889558 2.50449570214577 4.70176442948618 2.20823381915112 
0.529038382290886 1.21479538782519 0.962812748880263 1.13913646918654 
2.20624987113392 1.88370940911153 2.35342547300587 2.83169962366484 
2.00490631688091 3.86221103609795 5.40347252377834
##$VisuCoreDataMax=( 131 )
32766.5 32184.4790713503 32312.7933493645 32319.7547475159 32204.0713298002 
32253.902087379 32267.8679208177 32287.6498986627 32298.4419805167 
32187.890906258 32233.5122436885 32234.2979486218 32235.7561953659 
32212.6210784727 32142.2509540694 32240.4433948263 32303.852167919 
32183.2893812599 32280.2541482444 32136.7374305014 32226.754959074 
32162.0843281498 32118.8918468002 32050.5737732009 32080.0878985036 
32112.6461837322 32165.739067678 32145.1216036433 32068.6655746131 
32105.9431134677 32015.8016837542 32100.2275447853 32008.6830580903 
32045.8468662538 32014.7999137753 32032.7681194527 31965.5505992444 
31869.3993259345 31843.3058293552 31819.9291700947 31794.7021770128 
31713.9098513081 31685.6687657449 31689.3342294338 31601.7252606293 
31557.2412600708 31348.0971341672 31239.0292585463 31035.5853690365 
30974.214340557 30799.5727009675 30634.3502721137 30369.4569432476 
29924.7287033392 29382.172013659 28898.7578572742 28022.6746204119 
27131.9677560057 26095.4859822826 24713.0477033234 22601.9090630167 
19596.8930450869 15156.3354913927 9189.102750087 2972.88634538237 
1774.47748368662 6978.83914849344 12793.5971286573 17350.3766960138 
20815.6950485736 23391.5667547272 25296.3400315928 26811.3288027874 
27971.2115577493 28559.9822837683 29185.8479966926 29735.7369465109 
30090.4442353797 30372.4799021515 30587.0774408348 30849.0122358951 
31109.3855327366 31218.2846912514 31333.0773018726 31359.9632611774 
31440.2857733854 31539.9101845401 31734.136970369 31647.5388659213 
31704.8486728856 31847.4158970845 31842.9461685045 31783.7264276164 
31859.492575342 31974.3377572569 31973.2962062744 31928.328093957 
31921.8633531865 32022.0838768889 32025.6653818815 32064.959517837 
32066.4188179025 32041.5770766088 32119.796076593 32068.1213106145 
32135.5337487741 32150.1568063657 32098.5531397731 32131.2160114872 
32129.4584480955 32118.3470837373 32184.6768350991 32123.5767318541 
32221.422094375 32197.6244117015 32224.7558989024 32230.6334171728 
32163.1223333353 32214.9698720773 32173.537838157 32218.222621828 
32233.9695692226 32310.7748179596 32248.3864219049 32248.5370237895 
32274.4195647055 32209.4438386008 32320.6964235604 32305.6374451194 
32325.5953414548 32440.1957708707
##$VisuCoreDataOffs=( 131 )
0 0 0 0 0 0 0 0 0 0 0 0 0 0 0 0 0 0 0 0 0 0 0 0 0 0 0 0 0 0 0 0 0 0 0 0 0 0 0 
0 0 0 0 0 0 0 0 0 0 0 0 0 0 0 0 0 0 0 0 0 0 0 0 0 0 0 0 0 0 0 0 0 0 0 0 0 0 0 
0 0 0 0 0 0 0 0 0 0 0 0 0 0 0 0 0 0 0 0 0 0 0 0 0 0 0 0 0 0 0 0 0 0 0 0 0 0 0 
0 0 0 0 0 0 0 0 0 0 0 0 0 0
##$VisuCoreDataSlope=( 131 )
0.0380220241624685 0.0380220241624685 0.0380220241624685 0.0380220241624685 
0.0380220241624685 0.0380220241624685 0.0380220241624685 0.0380220241624685 
0.0380220241624685 0.0380220241624685 0.0380220241624685 0.0380220241624685 
0.0380220241624685 0.0380220241624685 0.0380220241624685 0.0380220241624685 
0.0380220241624685 0.0380220241624685 0.0380220241624685 0.0380220241624685 
0.0380220241624685 0.0380220241624685 0.0380220241624685 0.0380220241624685 
0.0380220241624685 0.0380220241624685 0.0380220241624685 0.0380220241624685 
0.0380220241624685 0.0380220241624685 0.0380220241624685 0.0380220241624685 
0.0380220241624685 0.0380220241624685 0.0380220241624685 0.0380220241624685 
0.0380220241624685 0.0380220241624685 0.0380220241624685 0.0380220241624685 
0.0380220241624685 0.0380220241624685 0.0380220241624685 0.0380220241624685 
0.0380220241624685 0.0380220241624685 0.0380220241624685 0.0380220241624685 
0.0380220241624685 0.0380220241624685 0.0380220241624685 0.0380220241624685 
0.0380220241624685 0.0380220241624685 0.0380220241624685 0.0380220241624685 
0.0380220241624685 0.0380220241624685 0.0380220241624685 0.0380220241624685 
0.0380220241624685 0.0380220241624685 0.0380220241624685 0.0380220241624685 
0.0380220241624685 0.0380220241624685 0.0380220241624685 0.0380220241624685 
0.0380220241624685 0.0380220241624685 0.0380220241624685 0.0380220241624685 
0.0380220241624685 0.0380220241624685 0.0380220241624685 0.0380220241624685 
0.0380220241624685 0.0380220241624685 0.0380220241624685 0.0380220241624685 
0.0380220241624685 0.0380220241624685 0.0380220241624685 0.0380220241624685 
0.0380220241624685 0.0380220241624685 0.0380220241624685 0.0380220241624685 
0.0380220241624685 0.0380220241624685 0.0380220241624685 0.0380220241624685 
0.0380220241624685 0.0380220241624685 0.0380220241624685 0.0380220241624685 
0.0380220241624685 0.0380220241624685 0.0380220241624685 0.0380220241624685 
0.0380220241624685 0.0380220241624685 0.0380220241624685 0.0380220241624685 
0.0380220241624685 0.0380220241624685 0.0380220241624685 0.0380220241624685 
0.0380220241624685 0.0380220241624685 0.0380220241624685 0.0380220241624685 
0.0380220241624685 0.0380220241624685 0.0380220241624685 0.0380220241624685 
0.0380220241624685 0.0380220241624685 0.0380220241624685 0.0380220241624685 
0.0380220241624685 0.0380220241624685 0.0380220241624685 0.0380220241624685 
0.0380220241624685 0.0380220241624685 0.0380220241624685 0.0380220241624685 
0.0380220241624685 0.0380220241624685 0.0380220241624685
##$VisuCoreFrameType=( 1 )
MAGNITUDE_IMAGE
##$VisuCoreWordType=_16BIT_SGN_INT
##$VisuCoreByteOrder=littleEndian
##$VisuFGOrderDescDim=1
##$VisuFGOrderDesc=( 1 )
(131, <FG_CYCLE>, <>, 0, 0)
##$VisuGroupDepVals=( 1 )
(<>, 0)
##$VisuSubjectName=( 65 )
<210118_phantom_pdc_DMHT>
##$VisuSubjectId=( 65 )
<210118_phantom_pdc_DMHT>
##$VisuSubjectUid=( 65 )
<2.16.756.5.5.100.8323328.82851.1610954120.3>
##$VisuSubjectInstanceCreationDate=(1610954120, 114, 120)
##$VisuSubjectBirthDate=( 9 )
<20210118>
##$VisuSubjectSex=UNDEFINED
##$VisuSubjectType=Other
##$VisuStudyUid=( 65 )
<2.16.756.5.5.100.8323328.82851.1610954120.4>
##$VisuStudyDate=<2021-01-18T09:15:20,115+0200>
##$VisuStudyId=( 65 )
<210118_phantom_pdc_DMHT>
##$VisuStudyNumber=1
##$VisuSubjectWeight=0.001
##$VisuStudyReferringPhysician=( 65 )
<amnon>
##$VisuStudyDescription=( 2048 )
<\
>
##$VisuExperimentNumber=22
##$VisuProcessingNumber=1
##$VisuSeriesDate=<2021-01-19T02:20:37,807+0200>
##$VisuSubjectPosition=Head_Supine
##$VisuSeriesTypeId=( 65 )
<ACQ_USER_PVM>
##$VisuManufacturer=( 65 )
<Bruker BioSpin MRI GmbH>
##$VisuAcqSoftwareVersion=( 65 )
<6.0.1>
##$VisuInstitution=( 65 )
<Weizmann Institute>
##$VisuStation=( 65 )
<BioSpec 152/II US/R>
##$VisuSystemOrderNumber=( 65 )
<10224363>
##$VisuAcqDate=<2021-01-19T00:35:45,064+0200>
##$VisuAcqEchoTrainLength=16
##$VisuAcqSequenceName=( 40 )
<User:rare_cest>
##$VisuAcqNumberOfAverages=2
##$VisuAcqImagingFrequency=650.054339444703
##$VisuAcqImagedNucleus=( 8 )
<1H>
##$VisuAcqRepetitionTime=( 1 )
6000
##$VisuAcqPhaseEncSteps=64
##$VisuAcqPixelBandwidth=781.25
##$VisuAcqFlipAngle=180
##$VisuAcqSize=( 2 )
64 64
##$VisuAcqImageSizeAccellerated=No
##$VisuAcqGradEncoding=( 2 )
phase_enc read_enc
##$VisuAcqEchoTime=( 1 )
36.704
##$VisuAcquisitionProtocol=( 65 )
<6_rare_cest_bruker_zspect_10ppm>
##$VisuAcqScanTime=6288000
##$VisuAcqAntiAlias=( 2 )
1 1
##$VisuAcqEchoSequenceType=Both
##$VisuAcqSpinsVelocityEncoded=No
##$VisuAcqHasTimeOfFlightContrast=No
##$VisuAcqIsEpiSequence=No
##$VisuAcqSpectralSuppression=NoSuppression
##$VisuAcqKSpaceTraversal=RectilinearTraversal
##$VisuAcqEncodingOrder=( 2 )
LinearEncoding LinearEncoding
##$VisuAcqKSpaceTrajectoryCnt=1
##$VisuAcqKSpaceFiltering=( 2 )
NO_WDW NO_WDW
##$VisuAcqFlowCompensation=FlowNone
##$VisuAcqSpoiling=GradientSpoiled
##$VisuAcqPartialFourier=( 2 )
1 1
##$VisuAcqParallelReductionFactor=( 2 )
1 1
##$VisuAcqMagnetizationTransfer=No
##$VisuAcqBloodSignalNulling=No
##$VisuCardiacSynchUsed=No
##$VisuRespSynchUsed=No
##END=
$$ File finished by PARX at 2021-01-19 02:20:37.946 +0200
