##TITLE=Parameter List, ParaVision 6.0.1
##JCAMPDX=4.24
##DATATYPE=Parameter Values
##ORIGIN=Bruker BioSpin MRI GmbH
##OWNER=amnon
$$ 2021-01-18 19:19:39.208 +0200  amnon@wis15nmrpc
$$ /opt/PV6.0.1/data/amnon/20210118_091520_210118_phantom_pdc_DMHT_1_1/13/pdata/1/visu_pars
$$ process /opt/PV6.0.1/prog/bin/parxserver
##$VisuVersion=3
##$VisuUid=( 65 )
<2.16.756.5.5.100.8323328.124853.1610990379.1>
##$VisuCreator=( 65 )
<ParaVision>
##$VisuCreatorVersion=( 65 )
<6.0.1>
##$VisuCreationDate=<2021-01-18T19:19:39,207+0200>
##$VisuInstanceModality=( 65 )
<MR>
$$ @vis= VisuVersion VisuUid VisuCreator VisuCreatorVersion VisuCreationDate
##$VisuCoreFrameCount=131
##$VisuCoreDim=2
##$VisuCoreSize=( 2 )
64 64
$$ @vis= VisuInstanceModality VisuInstance VisuCoreFrameCount VisuCoreDim
##$VisuCoreDimDesc=( 2 )
spatial spatial
##$VisuCoreExtent=( 2 )
15 15
##$VisuCoreFrameThickness=( 1 )
1
##$VisuCoreUnits=( 2, 65 )
<mm> <mm>
$$ @vis= VisuCoreSize VisuCoreDimDesc VisuCoreExtent VisuCoreFrameThickness
##$VisuCoreOrientation=( 1, 9 )
-0.868010976467019 -0.496545007761403 0 -0.496545007761403 0.868010976467019 
0 0 0 -1
##$VisuCorePosition=( 1, 3 )
9.90959488171316 -3.50930176529212 3.17
##$VisuCoreDataMin=( 131 )
5.03898501445819 1.11072306629467 2.25713721799509 0.424785356184831 
1.82034889927116 0.853130699208398 4.36421039111683 2.99336499232782 
3.50197515254834 4.00040727154942 1.48107655313268 2.34755586570817 
1.05939639216835 1.32424195977071 3.82940806448873 0.694299749537033 
0.400835710494737 3.76650060177903 0.585580606074073 0.991204004178573 
2.62211077065907 0.193719541131243 3.99230560550101 3.51941828050679 
4.70953018102418 4.62400734053097 1.11366729514156 1.11299474677988 
3.04971749104848 1.72880946860529 3.06589100507479 2.51899519585963 
1.94584367484753 1.30729006149853 1.80495208935587 1.86973495082528 
3.64674978543505 1.74185179443796 2.96775201590677 3.9549653529933 
2.13753246627727 3.42860850835364 3.65772244203672 3.24284422034785 
3.46455439431875 2.51677095349301 1.46040756816355 3.16205810690567 
5.51378390902212 1.89202841000107 3.27652542256771 1.91196288188203 
0.77690488004678 2.00662875045529 1.0691977463446 1.10636932708027 
4.46562518896734 2.27339519694127 2.5619280175162 0.964245084716418 
3.39893666812034 0.838395683672138 1.35473963224474 2.81653947361596 
1.41020339825169 0.354562420702449 1.76790054528375 0.762103482706701 
2.05131122142607 4.56837649788813 4.453614353287 0.843899855104954 
2.06077321408324 4.26454309588424 3.25733874216337 2.0935941715293 
1.49417264805903 0.960988059996957 3.58957626762109 1.5956096326079 
4.13439029396477 5.74052717061923 0.592795280782478 2.99068427587817 
1.74637077093523 3.57850518824686 3.31650996456263 1.47442663801827 
1.41959875534095 0.467519831586678 3.53911390047736 3.26394360088246 
1.56701295512208 2.72000264598223 3.19924662725455 0.734736051060275 
3.36977960916199 3.14239029453078 1.47780788826228 2.55636634673923 
2.01622742575283 3.92212197238798 3.66037399433329 1.7790083452079 
0.889650955089164 1.20081676191473 1.77263040822593 4.1338775952457 
2.25712042471099 2.31291568405588 4.56735606515586 7.25902012684434 
0.665718219348405 2.59579898980313 1.06335395226595 2.16096128360338 
2.38320090495804 5.1508733694619 1.4676894286958 3.66226038499186 
2.82720735274152 0.81179232518827 1.97998957994497 2.98168628210879 
0.488203754593194 2.08566417515608 4.48366738917755 2.5967791876586 
5.73631780713167 2.35875058014622 2.27214005207156
##$VisuCoreDataMax=( 131 )
32766.5 32436.9652609521 32333.6811338452 32240.4516760195 32146.3618099185 
32173.0746630539 32182.985098081 32127.584256347 32136.255335923 
32219.947193655 32068.5011349032 32023.2174983172 32081.6850611982 
32091.188457176 32009.4855430443 32007.360852337 32164.1969020337 
31919.7028438131 32139.1305877154 31991.9074564288 32092.2298926101 
32062.5810536692 31972.1938261046 32090.3943844605 32066.9454340725 
32056.1721286367 31975.4974194561 31935.6021541319 32030.0994249968 
32000.2426570697 31986.9305339357 31998.4891070666 32010.5441987084 
31931.6092062771 31959.369610182 31920.5247992853 31991.7974417527 
31941.3625388771 32068.6626769815 31969.9583473003 32020.6732787066 
31824.6889914697 31993.8814331931 31913.8042954771 31798.1610101874 
31837.3973281553 31890.6886210752 31772.0596982727 31802.2043412024 
31784.7164254955 31762.0208028897 31644.0322506638 31635.0740923439 
31521.9737812956 31467.7032651171 31387.182833491 31252.9196506727 
31031.3282138882 30997.1645341559 30629.9678599102 30212.0590774283 
29308.9562859301 27960.9580691324 25176.2126888794 19018.2638120618 
7842.37680233939 11258.7025112134 20752.5446567321 24925.6227695182 
26878.4208285412 28121.015457404 28831.9572913396 29246.1057866858 
29598.0003238867 29835.2764729501 30090.5128240103 30411.3035149531 
30748.7207663858 30843.1978482421 31019.7536559365 31200.8364041846 
31180.9105682961 31281.6614969527 31307.1198482295 31370.5271888849 
31379.2138380182 31432.0617859838 31527.5804090915 31460.8550243232 
31475.224890079 31449.0503412159 31496.3896017909 31506.8006133791 
31664.1275399916 31654.8235073621 31554.9100522734 31556.4363458967 
31569.8870921757 31386.7657643194 31351.0746990506 31537.0836161286 
31570.6890836867 31607.0855961221 31767.7490538668 31772.5491102378 
31619.5746172192 31698.3260037804 31667.9771893317 31760.7839907358 
31685.6459484652 31790.7699434577 31724.4777384122 31647.6182259294 
31829.4696452409 31778.4796173672 31677.813234567 31787.9078352696 
31730.0630859049 31632.3228859737 31659.6181898129 31663.6191977243 
31669.9942514524 31643.5516296546 31730.3269430165 31599.782140293 
31682.7260262834 31639.4630097165 31626.6632094062 31602.7629315882 
31576.2594900917 31595.6771228888
$$ @vis= VisuCoreUnits VisuCoreOrientation VisuCorePosition VisuCoreDataMin
##$VisuCoreDataOffs=( 131 )
0 0 0 0 0 0 0 0 0 0 0 0 0 0 0 0 0 0 0 0 0 0 0 0 0 0 0 0 0 0 0 0 0 0 0 0 0 0 0 
0 0 0 0 0 0 0 0 0 0 0 0 0 0 0 0 0 0 0 0 0 0 0 0 0 0 0 0 0 0 0 0 0 0 0 0 0 0 0 
0 0 0 0 0 0 0 0 0 0 0 0 0 0 0 0 0 0 0 0 0 0 0 0 0 0 0 0 0 0 0 0 0 0 0 0 0 0 0 
0 0 0 0 0 0 0 0 0 0 0 0 0 0
##$VisuCoreDataSlope=( 131 )
0.0405553497687649 0.0405553497687649 0.0405553497687649 0.0405553497687649 
0.0405553497687649 0.0405553497687649 0.0405553497687649 0.0405553497687649 
0.0405553497687649 0.0405553497687649 0.0405553497687649 0.0405553497687649 
0.0405553497687649 0.0405553497687649 0.0405553497687649 0.0405553497687649 
0.0405553497687649 0.0405553497687649 0.0405553497687649 0.0405553497687649 
0.0405553497687649 0.0405553497687649 0.0405553497687649 0.0405553497687649 
0.0405553497687649 0.0405553497687649 0.0405553497687649 0.0405553497687649 
0.0405553497687649 0.0405553497687649 0.0405553497687649 0.0405553497687649 
0.0405553497687649 0.0405553497687649 0.0405553497687649 0.0405553497687649 
0.0405553497687649 0.0405553497687649 0.0405553497687649 0.0405553497687649 
0.0405553497687649 0.0405553497687649 0.0405553497687649 0.0405553497687649 
0.0405553497687649 0.0405553497687649 0.0405553497687649 0.0405553497687649 
0.0405553497687649 0.0405553497687649 0.0405553497687649 0.0405553497687649 
0.0405553497687649 0.0405553497687649 0.0405553497687649 0.0405553497687649 
0.0405553497687649 0.0405553497687649 0.0405553497687649 0.0405553497687649 
0.0405553497687649 0.0405553497687649 0.0405553497687649 0.0405553497687649 
0.0405553497687649 0.0405553497687649 0.0405553497687649 0.0405553497687649 
0.0405553497687649 0.0405553497687649 0.0405553497687649 0.0405553497687649 
0.0405553497687649 0.0405553497687649 0.0405553497687649 0.0405553497687649 
0.0405553497687649 0.0405553497687649 0.0405553497687649 0.0405553497687649 
0.0405553497687649 0.0405553497687649 0.0405553497687649 0.0405553497687649 
0.0405553497687649 0.0405553497687649 0.0405553497687649 0.0405553497687649 
0.0405553497687649 0.0405553497687649 0.0405553497687649 0.0405553497687649 
0.0405553497687649 0.0405553497687649 0.0405553497687649 0.0405553497687649 
0.0405553497687649 0.0405553497687649 0.0405553497687649 0.0405553497687649 
0.0405553497687649 0.0405553497687649 0.0405553497687649 0.0405553497687649 
0.0405553497687649 0.0405553497687649 0.0405553497687649 0.0405553497687649 
0.0405553497687649 0.0405553497687649 0.0405553497687649 0.0405553497687649 
0.0405553497687649 0.0405553497687649 0.0405553497687649 0.0405553497687649 
0.0405553497687649 0.0405553497687649 0.0405553497687649 0.0405553497687649 
0.0405553497687649 0.0405553497687649 0.0405553497687649 0.0405553497687649 
0.0405553497687649 0.0405553497687649 0.0405553497687649 0.0405553497687649 
0.0405553497687649 0.0405553497687649 0.0405553497687649
##$VisuCoreFrameType=( 1 )
MAGNITUDE_IMAGE
$$ @vis= VisuCoreDataMax VisuCoreDataOffs VisuCoreDataSlope VisuCoreFrameType
##$VisuCoreWordType=_16BIT_SGN_INT
##$VisuCoreByteOrder=littleEndian
##$VisuFGOrderDescDim=1
$$ @vis= VisuCore VisuCoreWordType VisuCoreByteOrder VisuPixel
##$VisuFGOrderDesc=( 1 )
(131, <FG_CYCLE>, <>, 0, 0)
##$VisuGroupDepVals=( 1 )
(<>, 0)
$$ @vis= VisuFGOrderDescDim VisuFGOrderDesc VisuGroupDepVals
##$VisuSubjectName=( 65 )
<210118_phantom_pdc_DMHT>
##$VisuSubjectId=( 65 )
<210118_phantom_pdc_DMHT>
##$VisuSubjectUid=( 65 )
<2.16.756.5.5.100.8323328.82851.1610954120.3>
##$VisuSubjectInstanceCreationDate=(1610954120, 114, 120)
$$ @vis= VisuFrameOrderDesc VisuSubjectName VisuSubjectId VisuSubjectUid
##$VisuSubjectBirthDate=( 9 )
<20210118>
##$VisuSubjectSex=UNDEFINED
##$VisuSubjectType=Other
$$ @vis= VisuSubjectInstanceCreationDate VisuSubjectBirthDate VisuSubjectSex
##$VisuStudyUid=( 65 )
<2.16.756.5.5.100.8323328.82851.1610954120.4>
##$VisuStudyDate=<2021-01-18T09:15:20,115+0200>
##$VisuStudyId=( 65 )
<210118_phantom_pdc_DMHT>
##$VisuStudyNumber=1
$$ @vis= VisuSubjectType VisuSubject VisuStudyUid VisuStudyDate VisuStudyId
##$VisuSubjectWeight=0.001
##$VisuStudyReferringPhysician=( 65 )
<amnon>
##$VisuStudyDescription=( 2048 )
<\
>
$$ @vis= VisuStudyNumber VisuSubjectWeight VisuStudyReferringPhysician
##$VisuExperimentNumber=13
##$VisuProcessingNumber=1
$$ @vis= VisuStudyDescription VisuStudy VisuExperimentNumber
##$VisuSeriesDate=<2021-01-18T19:19:39,207+0200>
##$VisuSubjectPosition=Head_Supine
##$VisuSeriesTypeId=( 65 )
<ACQ_USER_PVM>
$$ @vis= VisuProcessingNumber VisuSeriesDate VisuSubjectPosition
$$ @vis= VisuSeriesTypeId VisuSeries VisuCoilReceive VisuCoilTransmit
##$VisuManufacturer=( 65 )
<Bruker BioSpin MRI GmbH>
##$VisuAcqSoftwareVersion=( 65 )
<6.0.1>
##$VisuInstitution=( 65 )
<Weizmann Institute>
$$ @vis= VisuContrastAgent VisuManufacturer VisuAcqSoftwareVersion
##$VisuStation=( 65 )
<BioSpec 152/II US/R>
##$VisuSystemOrderNumber=( 65 )
<10224363>
##$VisuAcqDate=<2021-01-18T17:34:46,438+0200>
$$ @vis= VisuInstitution VisuStation VisuSystemOrderNumber VisuEquipment
##$VisuAcqEchoTrainLength=16
##$VisuAcqSequenceName=( 40 )
<User:rare_cest>
##$VisuAcqNumberOfAverages=2
$$ @vis= VisuAcqDate VisuAcqEchoTrainLength VisuAcqSequenceName
##$VisuAcqImagingFrequency=650.054339444703
##$VisuAcqImagedNucleus=( 8 )
<1H>
##$VisuAcqRepetitionTime=( 1 )
6000
$$ @vis= VisuAcqNumberOfAverages VisuAcqImagingFrequency VisuAcqImagedNucleus
##$VisuAcqPhaseEncSteps=64
##$VisuAcqPixelBandwidth=781.25
##$VisuAcqFlipAngle=180
$$ @vis= VisuAcqRepetitionTime VisuAcqPhaseEncSteps VisuAcqPixelBandwidth
##$VisuAcqSize=( 2 )
64 64
##$VisuAcqImageSizeAccellerated=No
##$VisuAcqGradEncoding=( 2 )
phase_enc read_enc
$$ @vis= VisuAcqFlipAngle VisuAcqSize VisuAcqImageSizeAccellerated
##$VisuAcqEchoTime=( 1 )
36.704
##$VisuAcquisitionProtocol=( 65 )
<6_rare_cest_bruker_zspect_10ppm>
##$VisuAcqScanTime=6288000
$$ @vis= VisuAcqGradEncoding VisuAcqEchoTime VisuAcquisitionProtocol
##$VisuAcqAntiAlias=( 2 )
1 1
##$VisuAcqEchoSequenceType=Both
##$VisuAcqSpinsVelocityEncoded=No
$$ @vis= VisuAcqScanTime VisuAcqAntiAlias VisuAcqEchoSequenceType
##$VisuAcqHasTimeOfFlightContrast=No
##$VisuAcqIsEpiSequence=No
$$ @vis= VisuAcqSpinsVelocityEncoded VisuAcqHasTimeOfFlightContrast
##$VisuAcqSpectralSuppression=NoSuppression
##$VisuAcqKSpaceTraversal=RectilinearTraversal
$$ @vis= VisuAcqIsEpiSequence VisuAcqSpectralSuppression
##$VisuAcqEncodingOrder=( 2 )
LinearEncoding LinearEncoding
##$VisuAcqKSpaceTrajectoryCnt=1
$$ @vis= VisuAcqKSpaceTraversal VisuAcqEncodingOrder
##$VisuAcqKSpaceFiltering=( 2 )
NO_WDW NO_WDW
##$VisuAcqFlowCompensation=FlowNone
$$ @vis= VisuAcqKSpaceTrajectoryCnt VisuAcqKSpaceFiltering
##$VisuAcqSpoiling=GradientSpoiled
##$VisuAcqPartialFourier=( 2 )
1 1
##$VisuAcqParallelReductionFactor=( 2 )
1 1
$$ @vis= VisuAcqFlowCompensation VisuAcqSpoiling VisuAcqPartialFourier
##$VisuAcqMagnetizationTransfer=No
##$VisuAcqBloodSignalNulling=No
$$ @vis= VisuAcqParallelReductionFactor VisuAcqMagnetizationTransfer
##$VisuCardiacSynchUsed=No
##$VisuRespSynchUsed=No
$$ @vis= VisuAcqBloodSignalNulling VisuCardiacSynchUsed VisuRespSynchUsed
$$ @vis= VisuAcquisition VisuMpi VisuDepricated Visu
##END=
$$ File finished by PARX at 2021-01-18 19:19:39.209 +0200
