##TITLE=Parameter List, ParaVision 6.0.1
##JCAMPDX=4.24
##DATATYPE=Parameter Values
##ORIGIN=Bruker BioSpin MRI GmbH
##OWNER=amnon
$$ 2021-01-18 17:34:24.752 +0200  amnon@wis15nmrpc
$$ /opt/PV6.0.1/data/amnon/20210118_091520_210118_phantom_pdc_DMHT_1_1/12/pdata/1/reco
$$ process /opt/PV6.0.1/prog/bin/parxserver
##$RECO_mode=USER_MODE
##$RecoAutoDerive=No
##$RecoDim=2
##$RecoObjectsPerRepetition=1
##$RecoObjectsPerSetupStep=16
$$ @vis= RECO_mode RecoAutoDerive RecoDim RecoObjectsPerRepetition
##$RecoNumRepetitions=61
##$RECO_inp_order=NO_REORDERING
##$RECO_inp_size=( 2 )
64 64
$$ @vis= RecoObjectsPerSetupStep RecoNumRepetitions RECO_inp_order
##$RECO_ft_size=( 2 )
64 64
##$RECO_fov=( 2 )
1.5 1.5
##$RECO_size=( 2 )
64 64
##$RECO_offset=( 2, 1 )
0 0
##$RECO_regrid_mode=NO_REGRID
##$RECO_regrid_offset=0
##$RECO_ramp_gap=0
##$RECO_ramp_time=0
##$RECO_ne_mode=NO_NAV_DATA
##$RECO_ne_dist=NeNoInterleave
##$RECO_ne_dens=NeCorrPerScan
##$RECO_ne_type=NAV_PHASE
##$RECO_bc_mode=( 2 )
NO_BC NO_BC
##$RECO_bc_start=( 2 )
48 48
##$RECO_bc_len=( 2 )
16 16
##$RECO_dc_offset=( 2 )
0 0
##$RECO_dc_divisor=1
##$RECO_bc_coroff=( 2 )
0 0
##$RECO_qopts=( 2 )
COMPLEX_CONJUGATE NO_QOPTS
##$RECO_wdw_mode=( 2 )
NO_WDW NO_WDW
$$ @vis= RECO_inp_size RECO_ft_size RECO_fov RECO_size RECO_ne_mode
##$RECO_lb=( 2 )
-0.5 -0.5
##$RECO_sw=( 2 )
50000 1
##$RECO_gb=( 2 )
0.5 0.5
##$RECO_sbs=( 2 )
1 1
##$RECO_tm1=( 2 )
0.25 0.25
##$RECO_tm2=( 2 )
0.75 0.75
##$RECO_ft_mode=( 2 )
COMPLEX_FT COMPLEX_FT
##$RECO_pc_mode=( 2 )
FIRST_ORDER_PC FIRST_ORDER_PC
##$RECO_pc_lin=( 2 )
(0, 180) (0, 180)
##$RECO_rotate=( 2, 1 )
0.5 0.457274057158956
##$RECO_ppc_mode=NO_PPC
##$RECO_ref_image=0
##$RECO_nr_supports=0.4
##$RECO_sig_threshold=0.15
##$RECO_ppc_degree=1
##$RECO_ppc_coeffs=( 1, 2, 2 )
0 0 0 0
##$RECO_dc_elim=Yes
##$RECO_transposition=( 1 )
1
$$ @vis= RECO_wdw_mode RECO_ft_mode RECO_pc_mode RECO_pc_lin RECO_rotate
##$RECO_image_type=MAGNITUDE_IMAGE
##$RECO_image_threshold=0.15
##$RECO_ir_scale=10
##$RECO_wordtype=_16BIT_SGN_INT
##$RECO_map_mode=ABSOLUTE_MAPPING
##$RECO_map_range=( 2 )
-2147483647 2147483647
##$RECO_map_percentile=( 2 )
1 99.9
##$RECO_map_error=0.025
##$RECO_globex=( 61 )
0 0 0 0 0 0 0 0 0 0 0 0 0 0 0 0 0 0 0 0 0 0 0 0 0 0 0 0 0 0 0 0 0 0 0 0 0 0 0 
0 0 0 0 0 0 0 0 0 0 0 0 0 0 0 0 0 0 0 0 0 0
##$RECO_minima=( 61 )
2.99283659134975 4.33692761804206 2.03216606515673 2.36033638432506 
1.3997129825643 4.42804453184424 1.12360945761424 2.50954222268784 
2.03152330155417 0.213198013965113 2.62756482615537 3.01658520798238 
3.18195793649983 1.88683513428535 4.88974311265845 2.75852170643416 
1.84802593017977 2.90195230803218 2.79172095447422 2.50650444857027 
1.83716799367699 2.53121723094134 3.37032017488066 4.09257810270914 
3.35781121246114 2.8835818705109 6.74128426710934 2.00178484847108 
3.37402469243243 3.86176186458604 2.15458342322575 1.49032067757743 
3.09345132836957 1.92001689424612 0.865095356952593 1.324017059992 
2.93829797099387 5.68684401731566 2.61608015697438 2.53360377684245 
2.93910053700387 5.29388172550499 2.02911536354699 3.84118856606241 
2.04318946774867 3.33519412720323 5.80902361809207 2.78909829173637 
2.03525830992019 2.56171104222603 4.13441480165346 2.69679125982061 
2.11400423731349 3.98663156894258 0.652128519887352 3.5099116069738 
1.66344628026378 2.94443153556881 3.69583498905061 2.48912972458708 
0.404061231878902
##$RECO_maxima=( 61 )
32766.5 32208.0627038888 32226.0782358293 32146.3836434514 32044.8095157911 
32108.2114172525 32134.8351338319 32019.916629123 32073.7724574714 
32089.202799076 32050.6709090411 32002.1695849465 32082.5491207931 
32142.2114752843 32046.920822723 32047.0189915141 31960.5853580609 
31992.6903547797 31922.9616070973 31951.2879059122 31715.9659033433 
31786.3209359975 31662.9084046773 31537.9739332719 31353.3357604054 
31018.5413067227 30715.5883485199 30150.0005818856 29386.5804687695 
27811.113736121 25576.2430530598 23219.358013701 21048.2463266472 
24640.9826770874 26342.1061311921 28258.1503746955 29587.1862608393 
30453.6227275073 31076.2434953275 31276.485011219 31508.4105245973 
31695.5565463394 31911.5063106553 31874.485912131 31880.5038346484 
31957.5096587556 32041.4589903845 32077.7072256535 32113.1512307413 
32042.2871181599 32006.4577380696 32016.4276025247 31998.9964313713 
32125.7660984493 32104.1540395218 32079.5472579332 32113.5411507959 
32166.5222080561 32211.2962003376 32135.2383155724 32218.3899486119
##$RECO_map_min=( 61 )
-1218.73083254042 -1218.73083254042 -1218.73083254042 -1218.73083254042 
-1218.73083254042 -1218.73083254042 -1218.73083254042 -1218.73083254042 
-1218.73083254042 -1218.73083254042 -1218.73083254042 -1218.73083254042 
-1218.73083254042 -1218.73083254042 -1218.73083254042 -1218.73083254042 
-1218.73083254042 -1218.73083254042 -1218.73083254042 -1218.73083254042 
-1218.73083254042 -1218.73083254042 -1218.73083254042 -1218.73083254042 
-1218.73083254042 -1218.73083254042 -1218.73083254042 -1218.73083254042 
-1218.73083254042 -1218.73083254042 -1218.73083254042 -1218.73083254042 
-1218.73083254042 -1218.73083254042 -1218.73083254042 -1218.73083254042 
-1218.73083254042 -1218.73083254042 -1218.73083254042 -1218.73083254042 
-1218.73083254042 -1218.73083254042 -1218.73083254042 -1218.73083254042 
-1218.73083254042 -1218.73083254042 -1218.73083254042 -1218.73083254042 
-1218.73083254042 -1218.73083254042 -1218.73083254042 -1218.73083254042 
-1218.73083254042 -1218.73083254042 -1218.73083254042 -1218.73083254042 
-1218.73083254042 -1218.73083254042 -1218.73083254042 -1218.73083254042 
-1218.73083254042
##$RECO_map_max=( 61 )
1218.73083254042 1218.73083254042 1218.73083254042 1218.73083254042 
1218.73083254042 1218.73083254042 1218.73083254042 1218.73083254042 
1218.73083254042 1218.73083254042 1218.73083254042 1218.73083254042 
1218.73083254042 1218.73083254042 1218.73083254042 1218.73083254042 
1218.73083254042 1218.73083254042 1218.73083254042 1218.73083254042 
1218.73083254042 1218.73083254042 1218.73083254042 1218.73083254042 
1218.73083254042 1218.73083254042 1218.73083254042 1218.73083254042 
1218.73083254042 1218.73083254042 1218.73083254042 1218.73083254042 
1218.73083254042 1218.73083254042 1218.73083254042 1218.73083254042 
1218.73083254042 1218.73083254042 1218.73083254042 1218.73083254042 
1218.73083254042 1218.73083254042 1218.73083254042 1218.73083254042 
1218.73083254042 1218.73083254042 1218.73083254042 1218.73083254042 
1218.73083254042 1218.73083254042 1218.73083254042 1218.73083254042 
1218.73083254042 1218.73083254042 1218.73083254042 1218.73083254042 
1218.73083254042 1218.73083254042 1218.73083254042 1218.73083254042 
1218.73083254042
##$RECO_map_offset=( 61 )
0 0 0 0 0 0 0 0 0 0 0 0 0 0 0 0 0 0 0 0 0 0 0 0 0 0 0 0 0 0 0 0 0 0 0 0 0 0 0 
0 0 0 0 0 0 0 0 0 0 0 0 0 0 0 0 0 0 0 0 0 0
##$RECO_map_slope=( 61 )
26.8857561695545 26.8857561695545 26.8857561695545 26.8857561695545 
26.8857561695545 26.8857561695545 26.8857561695545 26.8857561695545 
26.8857561695545 26.8857561695545 26.8857561695545 26.8857561695545 
26.8857561695545 26.8857561695545 26.8857561695545 26.8857561695545 
26.8857561695545 26.8857561695545 26.8857561695545 26.8857561695545 
26.8857561695545 26.8857561695545 26.8857561695545 26.8857561695545 
26.8857561695545 26.8857561695545 26.8857561695545 26.8857561695545 
26.8857561695545 26.8857561695545 26.8857561695545 26.8857561695545 
26.8857561695545 26.8857561695545 26.8857561695545 26.8857561695545 
26.8857561695545 26.8857561695545 26.8857561695545 26.8857561695545 
26.8857561695545 26.8857561695545 26.8857561695545 26.8857561695545 
26.8857561695545 26.8857561695545 26.8857561695545 26.8857561695545 
26.8857561695545 26.8857561695545 26.8857561695545 26.8857561695545 
26.8857561695545 26.8857561695545 26.8857561695545 26.8857561695545 
26.8857561695545 26.8857561695545 26.8857561695545 26.8857561695545 
26.8857561695545
##$RECO_byte_order=littleEndian
$$ @vis= RECO_transposition RECO_image_type RECO_wordtype RECO_map_mode
##$RECO_time=<2021-01-18T17:34:24,749+0200>
##$RECO_abs_time=(1610984064, 749, 120)
##$RECO_base_image_uid=( 65 )
<2.16.756.5.5.100.8323328.120833.1610984064.1>
##$RecoUserUpdate=Yes
##$RecoReverseSegment=0
##$RecoB0DemodOff=0
##$RecoB0DemodDelay=0
##$RecoFTOrder=( 2 )
0 1
##$RecoHalfFT=( 2 )
No No
$$ @vis= RECO_byte_order RecoUserUpdate RecoB0DemodOff RecoWindow RecoFTOrder
##$RecoHalfFTPos=( 2 )
32 32
##$RecoCorrPhase=RecoCorrPhaseOff
##$RecoCorrPhaseRef=-1
##$RECO_map_user_slope=1
##$RECO_map_user_offset=0
##$RecoNumInputChan=1
$$ @vis= RecoHalfFT RecoHalfFTPos RecoCorrPhase RecoCorrPhaseRef RecoMap
##$RecoScaleChan=( 1 )
1
##$RecoPhaseChan=( 1 )
0
##$RecoCombineMode=SumOfSquares
##$RecoSortDim=1
$$ @vis= RecoNumInputChan RecoScaleChan RecoPhaseChan RecoCombineMode
##$RecoSortSize=( 1 )
64
##$RecoSortRange=( 1 )
64
##$RecoSortSegment=( 1 )
0
##$RecoSortMaps=( 64 )
2 6 10 14 18 22 26 30 34 38 42 46 50 54 58 62 3 7 11 15 19 23 27 31 35 39 43 
47 51 55 59 63 4 8 12 16 20 24 28 32 36 40 44 48 52 56 60 0 5 9 13 17 21 25 
29 33 37 41 45 49 53 57 61 1
$$ @vis= RecoSortDim RecoSortSize RecoSortRange RecoSortSegment RecoSortMaps
##$RecoGrappaAccelFactor=1
##$RecoGrappaKernelRead=0
##$RecoGrappaKernelPhase=0
##$RecoGrappaNumRefRead=0
##$RecoGrappaNumRefPhase=0
##$RecoGrappaIncludeRefLines=Yes
##$RecoGrappaReadCenter=0
##$RecoGrappaPhaseCenter=0
##$RecoGrappaTruncThresh=-1
##$RecoRegridN=Off
$$ @vis= RecoSortGroup RecoGrappaAccelFactor RecoGrappaGroup RecoRegridN
##$RecoStageNrPasses=4
##$RecoStagePasses=( 4 )
(<FIRSTPASS>, 0) (<FTPASS1>, 1) (<PREPPASS>, 2) (<MAPPASS>, 3)
##$RecoStageNrNodes=24
##$RecoStageNodes=( 24 )
(<input>, 0, <RecoFileSource 
Q{numChan=1;byteOrder=\<BYTORDA\>;contData=false;initFromACQP=true;}>) 
(<input>, 0, <RecoQueueSink S{initQueue=true;initOnce=true;}>) (<compute>, 0, 
<RecoQueueSource Q0{initFromACQP=true;initOnce=true;}>) (<compute>, 0, 
<RecoBufferSink S0{procDim=1;frameDim=2;bufferId="FIRSTPASS0";memId="out0"}>) 
(<compute>, 0, <RecoCastFilter CAST0{dataRep=FLOAT; wordSize=8}>) (<compute>, 
0, <RecoFTShiftFilter FTS0{frameDim=2; winDirection=0; 
shift=\<RECO_rotate[0]\>; exponent=1}>) (<compute>, 0, <RecoFTFilter 
FT0{direction=0; exponent=1}>) (<compute>, 0, <RecoSortFilter 
REORD0{sortDim=\<RecoSortDim\>; sortSize=\<RecoSortSize\>; 
sortRange=\<RecoSortRange\>; sortSegment=\<RecoSortSegment\>; 
sortMaps=\<RecoSortMaps\>; frameDim = 2}>) (<compute>, 1, <RecoBufferSource 
Q0{procDim=1;frameDim=2;bufferId="FIRSTPASS0";memId="out0"}>) (<compute>, 1, 
<RecoBufferSink S0{procDim=1;frameDim=2;bufferId="FTPASS10";memId="in0"}>) 
(<compute>, 1, <RecoFTShiftFilter FTS0{frameDim=2; winDirection=1; 
shift=\<RECO_rotate[1]\>; exponent=1}>) (<compute>, 1, <RecoFTFilter 
FT0{direction=1;exponent=1;}>) (<compute>, 2, <RecoBufferSource 
Q0{procDim=2;frameDim=2;bufferId="FTPASS10";memId="in0"}>) (<compute>, 2, 
<RecoBufferSink S0{procDim=2;frameDim=2;bufferId="PREPPASS0";memId="out0"}>) 
(<compute>, 2, <RecoMagnitudeFilter G0>) (<compute>, 2, <RecoTransposeFilter 
TP0{transpose=\<RECO_transposition\>;}>) (<compute>, 2, <RecoMinMaxFilter 
M0{map_min=\<RECO_map_min\>;map_max=\<RECO_map_max\>;}>) (<compute>, 3, 
<RecoBufferSource Q0{procDim=2;frameDim=2;bufferId="PREPPASS0";memId="out0"}>)
 (<compute>, 3, <RecoQueueSink S0>) (<compute>, 3, <RecoMapFilter 
MAP0{symmetricMode=true;minima=\<RECO_minima\>;maxima=\<RECO_maxima\>;slope=\<RECO_map_slope\>;offset=\<RECO_map_offset\>;map_min=\<RECO_map_min\>;map_max=\<RECO_map_max\>;rangeMin=-32766.500000;rangeMax=32766.500000;perObjectMode=false;cutoffMode=true;}>) (<compute>, 3, <RecoCastFilter CAST0{dataRep=SIGNED;wordSize=2}>) (<output>, 3, <RecoQueueSource Q{procDim=2;initFromRECO=true;initOnce=true;}>) (<output>, 3, <RecoImageDisplayFilter DISP{showAll=true;}>) (<output>, 3, <RecoFileSink S{writePars=true;shuffle=false;filename="2dseq";numChans=1;}>)
$$ @vis= RecoRegridNGroup RecoStageNrPasses RecoStagePasses RecoStageNrNodes
##$RecoStageNrEdges=18
##$RecoStageEdges=( 18 )
(<input>, 0, <Q-\>S>) (<compute>, 0, <Q0-\>CAST0>) (<compute>, 0, 
<CAST0-\>FTS0>) (<compute>, 0, <FTS0-\>FT0>) (<compute>, 0, <FT0-\>REORD0>) 
(<compute>, 0, <REORD0-\>S0>) (<compute>, 1, <Q0-\>FTS0>) (<compute>, 1, 
<FTS0-\>FT0>) (<compute>, 1, <FT0-\>S0>) (<compute>, 2, <Q0-\>G0>) (<compute>,
 2, <G0-\>TP0>) (<compute>, 2, <TP0-\>M0>) (<compute>, 2, <M0-\>S0>) 
(<compute>, 3, <Q0-\>MAP0>) (<compute>, 3, <MAP0-\>CAST0>) (<compute>, 3, 
<CAST0-\>S0>) (<output>, 3, <Q-\>DISP>) (<output>, 3, <DISP-\>S>)
$$ @vis= RecoStageNodes RecoStageNrEdges RecoStageEdges RecoStageGroup
##$GS_reco_display=Yes
##$GO_reco_display=Yes
##$GO_reco_each_nr=No
##$GO_max_reco_mem=0
$$ @vis= RecoModeUser GS_reco_display RECO_GS GO_reco_display GO_reco_each_nr
##$RecoPrototype=No
$$ @vis= GO_max_reco_mem RECO_GO RecoPrototype RECO
##END=
$$ File finished by PARX at 2021-01-18 17:34:24.753 +0200
