##TITLE=Parameter List, ParaVision 6.0.1
##JCAMPDX=4.24
##DATATYPE=Parameter Values
##ORIGIN=Bruker BioSpin MRI GmbH
##OWNER=amnon
$$ 2021-01-18 17:34:24.750 +0200  amnon@wis15nmrpc
$$ /opt/PV6.0.1/data/amnon/20210118_091520_210118_phantom_pdc_DMHT_1_1/12/pdata/1/visu_pars
$$ process /opt/PV6.0.1/prog/bin/parxserver
##$VisuVersion=3
##$VisuUid=( 65 )
<2.16.756.5.5.100.8323328.120833.1610984064.1>
##$VisuCreator=( 65 )
<ParaVision>
##$VisuCreatorVersion=( 65 )
<6.0.1>
##$VisuCreationDate=<2021-01-18T17:34:24,749+0200>
##$VisuInstanceModality=( 65 )
<MR>
$$ @vis= VisuVersion VisuUid VisuCreator VisuCreatorVersion VisuCreationDate
##$VisuCoreFrameCount=61
##$VisuCoreDim=2
##$VisuCoreSize=( 2 )
64 64
$$ @vis= VisuInstanceModality VisuInstance VisuCoreFrameCount VisuCoreDim
##$VisuCoreDimDesc=( 2 )
spatial spatial
##$VisuCoreExtent=( 2 )
15 15
##$VisuCoreFrameThickness=( 1 )
1
##$VisuCoreUnits=( 2, 65 )
<mm> <mm>
$$ @vis= VisuCoreSize VisuCoreDimDesc VisuCoreExtent VisuCoreFrameThickness
##$VisuCoreOrientation=( 1, 9 )
-0.868010976467019 -0.496545007761403 0 -0.496545007761403 0.868010976467019 
0 0 0 -1
##$VisuCorePosition=( 1, 3 )
9.90959488171316 -3.50930176529212 3.17
##$VisuCoreDataMin=( 61 )
2.99283659134975 4.33692761804206 2.03216606515673 2.36033638432506 
1.3997129825643 4.42804453184424 1.12360945761424 2.50954222268784 
2.03152330155417 0.213198013965113 2.62756482615537 3.01658520798238 
3.18195793649983 1.88683513428535 4.88974311265845 2.75852170643416 
1.84802593017977 2.90195230803218 2.79172095447422 2.50650444857027 
1.83716799367699 2.53121723094134 3.37032017488066 4.09257810270914 
3.35781121246114 2.8835818705109 6.74128426710934 2.00178484847108 
3.37402469243243 3.86176186458604 2.15458342322575 1.49032067757743 
3.09345132836957 1.92001689424612 0.865095356952593 1.324017059992 
2.93829797099387 5.68684401731566 2.61608015697438 2.53360377684245 
2.93910053700387 5.29388172550499 2.02911536354699 3.84118856606241 
2.04318946774867 3.33519412720323 5.80902361809207 2.78909829173637 
2.03525830992019 2.56171104222603 4.13441480165346 2.69679125982061 
2.11400423731349 3.98663156894258 0.652128519887352 3.5099116069738 
1.66344628026378 2.94443153556881 3.69583498905061 2.48912972458708 
0.404061231878902
##$VisuCoreDataMax=( 61 )
32766.5 32208.0627038888 32226.0782358293 32146.3836434514 32044.8095157911 
32108.2114172525 32134.8351338319 32019.916629123 32073.7724574714 
32089.202799076 32050.6709090411 32002.1695849465 32082.5491207931 
32142.2114752843 32046.920822723 32047.0189915141 31960.5853580609 
31992.6903547797 31922.9616070973 31951.2879059122 31715.9659033433 
31786.3209359975 31662.9084046773 31537.9739332719 31353.3357604054 
31018.5413067227 30715.5883485199 30150.0005818856 29386.5804687695 
27811.113736121 25576.2430530598 23219.358013701 21048.2463266472 
24640.9826770874 26342.1061311921 28258.1503746955 29587.1862608393 
30453.6227275073 31076.2434953275 31276.485011219 31508.4105245973 
31695.5565463394 31911.5063106553 31874.485912131 31880.5038346484 
31957.5096587556 32041.4589903845 32077.7072256535 32113.1512307413 
32042.2871181599 32006.4577380696 32016.4276025247 31998.9964313713 
32125.7660984493 32104.1540395218 32079.5472579332 32113.5411507959 
32166.5222080561 32211.2962003376 32135.2383155724 32218.3899486119
$$ @vis= VisuCoreUnits VisuCoreOrientation VisuCorePosition VisuCoreDataMin
##$VisuCoreDataOffs=( 61 )
0 0 0 0 0 0 0 0 0 0 0 0 0 0 0 0 0 0 0 0 0 0 0 0 0 0 0 0 0 0 0 0 0 0 0 0 0 0 0 
0 0 0 0 0 0 0 0 0 0 0 0 0 0 0 0 0 0 0 0 0 0
##$VisuCoreDataSlope=( 61 )
0.0371944160206437 0.0371944160206437 0.0371944160206437 0.0371944160206437 
0.0371944160206437 0.0371944160206437 0.0371944160206437 0.0371944160206437 
0.0371944160206437 0.0371944160206437 0.0371944160206437 0.0371944160206437 
0.0371944160206437 0.0371944160206437 0.0371944160206437 0.0371944160206437 
0.0371944160206437 0.0371944160206437 0.0371944160206437 0.0371944160206437 
0.0371944160206437 0.0371944160206437 0.0371944160206437 0.0371944160206437 
0.0371944160206437 0.0371944160206437 0.0371944160206437 0.0371944160206437 
0.0371944160206437 0.0371944160206437 0.0371944160206437 0.0371944160206437 
0.0371944160206437 0.0371944160206437 0.0371944160206437 0.0371944160206437 
0.0371944160206437 0.0371944160206437 0.0371944160206437 0.0371944160206437 
0.0371944160206437 0.0371944160206437 0.0371944160206437 0.0371944160206437 
0.0371944160206437 0.0371944160206437 0.0371944160206437 0.0371944160206437 
0.0371944160206437 0.0371944160206437 0.0371944160206437 0.0371944160206437 
0.0371944160206437 0.0371944160206437 0.0371944160206437 0.0371944160206437 
0.0371944160206437 0.0371944160206437 0.0371944160206437 0.0371944160206437 
0.0371944160206437
##$VisuCoreFrameType=( 1 )
MAGNITUDE_IMAGE
$$ @vis= VisuCoreDataMax VisuCoreDataOffs VisuCoreDataSlope VisuCoreFrameType
##$VisuCoreWordType=_16BIT_SGN_INT
##$VisuCoreByteOrder=littleEndian
##$VisuFGOrderDescDim=1
$$ @vis= VisuCore VisuCoreWordType VisuCoreByteOrder VisuPixel
##$VisuFGOrderDesc=( 1 )
(61, <FG_CYCLE>, <>, 0, 0)
##$VisuGroupDepVals=( 1 )
(<>, 0)
$$ @vis= VisuFGOrderDescDim VisuFGOrderDesc VisuGroupDepVals
##$VisuSubjectName=( 65 )
<210118_phantom_pdc_DMHT>
##$VisuSubjectId=( 65 )
<210118_phantom_pdc_DMHT>
##$VisuSubjectUid=( 65 )
<2.16.756.5.5.100.8323328.82851.1610954120.3>
##$VisuSubjectInstanceCreationDate=(1610954120, 114, 120)
$$ @vis= VisuFrameOrderDesc VisuSubjectName VisuSubjectId VisuSubjectUid
##$VisuSubjectBirthDate=( 9 )
<20210118>
##$VisuSubjectSex=UNDEFINED
##$VisuSubjectType=Other
$$ @vis= VisuSubjectInstanceCreationDate VisuSubjectBirthDate VisuSubjectSex
##$VisuStudyUid=( 65 )
<2.16.756.5.5.100.8323328.82851.1610954120.4>
##$VisuStudyDate=<2021-01-18T09:15:20,115+0200>
##$VisuStudyId=( 65 )
<210118_phantom_pdc_DMHT>
##$VisuStudyNumber=1
$$ @vis= VisuSubjectType VisuSubject VisuStudyUid VisuStudyDate VisuStudyId
##$VisuSubjectWeight=0.001
##$VisuStudyReferringPhysician=( 65 )
<amnon>
##$VisuStudyDescription=( 2048 )
<\
>
$$ @vis= VisuStudyNumber VisuSubjectWeight VisuStudyReferringPhysician
##$VisuExperimentNumber=12
##$VisuProcessingNumber=1
$$ @vis= VisuStudyDescription VisuStudy VisuExperimentNumber
##$VisuSeriesDate=<2021-01-18T17:34:24,749+0200>
##$VisuSubjectPosition=Head_Supine
##$VisuSeriesTypeId=( 65 )
<ACQ_USER_PVM>
$$ @vis= VisuProcessingNumber VisuSeriesDate VisuSubjectPosition
$$ @vis= VisuSeriesTypeId VisuSeries VisuCoilReceive VisuCoilTransmit
##$VisuManufacturer=( 65 )
<Bruker BioSpin MRI GmbH>
##$VisuAcqSoftwareVersion=( 65 )
<6.0.1>
##$VisuInstitution=( 65 )
<Weizmann Institute>
$$ @vis= VisuContrastAgent VisuManufacturer VisuAcqSoftwareVersion
##$VisuStation=( 65 )
<BioSpec 152/II US/R>
##$VisuSystemOrderNumber=( 65 )
<10224363>
##$VisuAcqDate=<2021-01-18T17:01:27,151+0200>
$$ @vis= VisuInstitution VisuStation VisuSystemOrderNumber VisuEquipment
##$VisuAcqEchoTrainLength=16
##$VisuAcqSequenceName=( 40 )
<User:rare_cest>
##$VisuAcqNumberOfAverages=2
$$ @vis= VisuAcqDate VisuAcqEchoTrainLength VisuAcqSequenceName
##$VisuAcqImagingFrequency=650.054339444703
##$VisuAcqImagedNucleus=( 8 )
<1H>
##$VisuAcqRepetitionTime=( 1 )
4042.432
$$ @vis= VisuAcqNumberOfAverages VisuAcqImagingFrequency VisuAcqImagedNucleus
##$VisuAcqPhaseEncSteps=64
##$VisuAcqPixelBandwidth=781.25
##$VisuAcqFlipAngle=180
$$ @vis= VisuAcqRepetitionTime VisuAcqPhaseEncSteps VisuAcqPixelBandwidth
##$VisuAcqSize=( 2 )
64 64
##$VisuAcqImageSizeAccellerated=No
##$VisuAcqGradEncoding=( 2 )
phase_enc read_enc
$$ @vis= VisuAcqFlipAngle VisuAcqSize VisuAcqImageSizeAccellerated
##$VisuAcqEchoTime=( 1 )
36.704
##$VisuAcquisitionProtocol=( 65 )
<7_rare_cest_bruker_wassr_650hz>
##$VisuAcqScanTime=1972706.816
$$ @vis= VisuAcqGradEncoding VisuAcqEchoTime VisuAcquisitionProtocol
##$VisuAcqAntiAlias=( 2 )
1 1
##$VisuAcqEchoSequenceType=Both
##$VisuAcqSpinsVelocityEncoded=No
$$ @vis= VisuAcqScanTime VisuAcqAntiAlias VisuAcqEchoSequenceType
##$VisuAcqHasTimeOfFlightContrast=No
##$VisuAcqIsEpiSequence=No
$$ @vis= VisuAcqSpinsVelocityEncoded VisuAcqHasTimeOfFlightContrast
##$VisuAcqSpectralSuppression=NoSuppression
##$VisuAcqKSpaceTraversal=RectilinearTraversal
$$ @vis= VisuAcqIsEpiSequence VisuAcqSpectralSuppression
##$VisuAcqEncodingOrder=( 2 )
LinearEncoding LinearEncoding
##$VisuAcqKSpaceTrajectoryCnt=1
$$ @vis= VisuAcqKSpaceTraversal VisuAcqEncodingOrder
##$VisuAcqKSpaceFiltering=( 2 )
NO_WDW NO_WDW
##$VisuAcqFlowCompensation=FlowNone
$$ @vis= VisuAcqKSpaceTrajectoryCnt VisuAcqKSpaceFiltering
##$VisuAcqSpoiling=GradientSpoiled
##$VisuAcqPartialFourier=( 2 )
1 1
##$VisuAcqParallelReductionFactor=( 2 )
1 1
$$ @vis= VisuAcqFlowCompensation VisuAcqSpoiling VisuAcqPartialFourier
##$VisuAcqMagnetizationTransfer=No
##$VisuAcqBloodSignalNulling=No
$$ @vis= VisuAcqParallelReductionFactor VisuAcqMagnetizationTransfer
##$VisuCardiacSynchUsed=No
##$VisuRespSynchUsed=No
$$ @vis= VisuAcqBloodSignalNulling VisuCardiacSynchUsed VisuRespSynchUsed
$$ @vis= VisuAcquisition VisuMpi VisuDepricated Visu
##END=
$$ File finished by PARX at 2021-01-18 17:34:24.751 +0200
