##TITLE=Parameter List, ParaVision 6.0.1
##JCAMPDX=4.24
##DATATYPE=Parameter Values
##ORIGIN=Bruker BioSpin MRI GmbH
##OWNER=amnon
$$ 2021-01-19 00:35:23.424 +0200  amnon@wis15nmrpc
$$ /opt/PV6.0.1/data/amnon/20210118_091520_210118_phantom_pdc_DMHT_1_1/16/pdata/1/visu_pars
$$ process /opt/PV6.0.1/prog/bin/parxserver
##$VisuVersion=3
##$VisuUid=( 65 )
<2.16.756.5.5.100.8323328.53101.1611009323.1>
##$VisuCreator=( 65 )
<ParaVision>
##$VisuCreatorVersion=( 65 )
<6.0.1>
##$VisuCreationDate=<2021-01-19T00:35:23,422+0200>
##$VisuInstanceModality=( 65 )
<MR>
$$ @vis= VisuVersion VisuUid VisuCreator VisuCreatorVersion VisuCreationDate
##$VisuCoreFrameCount=131
##$VisuCoreDim=2
##$VisuCoreSize=( 2 )
64 64
$$ @vis= VisuInstanceModality VisuInstance VisuCoreFrameCount VisuCoreDim
##$VisuCoreDimDesc=( 2 )
spatial spatial
##$VisuCoreExtent=( 2 )
15 15
##$VisuCoreFrameThickness=( 1 )
1
##$VisuCoreUnits=( 2, 65 )
<mm> <mm>
$$ @vis= VisuCoreSize VisuCoreDimDesc VisuCoreExtent VisuCoreFrameThickness
##$VisuCoreOrientation=( 1, 9 )
-0.868010976467019 -0.496545007761403 0 -0.496545007761403 0.868010976467019 
0 0 0 -1
##$VisuCorePosition=( 1, 3 )
9.90959488171316 -3.50930176529212 3.17
##$VisuCoreDataMin=( 131 )
2.64178924389624 3.0589931811836 1.31324049931577 4.13106450371051 
1.92449509697143 2.65116074737102 2.48929617953613 1.08004215974887 
5.03100313218334 0.788007845625793 2.25874677605303 0.638686405288972 
5.1659668898021 1.85614630716921 3.07550091329981 5.93060563401318 
4.09148358749622 0.599017627466428 4.50993378698796 5.46332024893199 
2.96701821768303 1.84238838415708 4.17388558089091 2.69267060418888 
0.778898642047248 6.18152341943982 2.55930639198373 2.13230964967494 
3.23512197298764 6.06800056057486 1.88382913269802 5.57718322180631 
2.25759213574592 3.05537215792695 0.582549961117616 2.39248097156353 
2.86575755318441 3.70461551256788 4.90443620271779 0.380959310012915 
0.848942823596938 3.33793757587266 2.81591046625847 3.48900949088276 
0.517122232700017 2.26659257120364 1.36785085590829 0.655093896232291 
2.4152741422576 0.397018864414865 2.22871203912655 2.92342303532198 
2.36379397548472 2.53405769323029 2.82475303210148 1.96950433103817 
4.39257787316443 0.605451602085626 1.66441919221623 1.83586285758276 
4.04923904629549 1.23495982269126 2.52881373127127 2.28954471163651 
1.5292251383777 0.790739073445611 0.593965009794825 1.53507274007305 
1.58288059733265 3.85736728088873 1.49517166197334 0.843430628725649 
1.82195723109264 1.16826396068443 3.64791019234504 3.26224035968694 
4.74275931109082 3.49200533494662 1.24343171580269 1.32905788959117 
3.84899736932874 2.93297656984881 1.0428082359306 1.32745891628295 
0.794151747175265 2.90542465738432 0.151962844695662 1.91226821313213 
1.87355632221403 2.72125955449321 1.31615529792164 1.53111672364542 
1.59650588379693 2.85013168777206 3.35922867726229 2.35383202641434 
2.9605503112528 2.00229966559182 2.70033358918982 1.28507653752505 
3.02010751427762 0.133569739561684 4.82656219888654 4.79014925912213 
0.45512990698103 4.14941745077618 2.74046161253681 3.0146294860978 
0.904139858834469 1.74758170724384 4.16946866197528 5.09393599279676 
2.60498556762286 6.14630755546548 1.02496791338869 2.78681626231887 
0.615824772019347 4.27684335574033 1.65402234652357 2.42011802642272 
3.02523301157436 3.31102214999118 1.65181305336408 3.2903859437365 
2.99183821001449 2.73403745048041 2.36524256832229 2.71605990237232 
2.99760528948906 2.66390377439203 4.34951493624722
##$VisuCoreDataMax=( 131 )
32766.5 32374.3140653113 32234.0505898081 32217.548903131 32284.3237717602 
32296.7538552642 32308.5157298223 32307.9274124004 32219.1607175231 
32316.0550265962 32134.7265938357 32126.293494068 32119.1057481576 
32217.3587968154 32169.9187399111 32197.3087630468 32040.6963249106 
32148.3362100309 32161.7801942839 32040.248626729 32054.9906844503 
32086.3194485888 31944.1946469085 31969.6795317747 31955.6571729663 
31922.2200364873 31867.2040918797 31937.5802828224 31869.4672812729 
31812.4097277349 31756.4022405267 31745.4933700199 31757.9420926393 
31718.0655780416 31713.9027058574 31649.2647346505 31726.8733315457 
31525.6596992486 31499.5242407625 31519.8179468679 31330.2284781494 
31374.5651792492 31196.1669985633 31094.1268540678 31155.7696904098 
30914.446588252 30873.0679306045 30629.2070193689 30389.7707180743 
30218.0367510986 29986.1141114263 29524.0842932307 29323.7535707331 
28832.8149428746 28196.2528493375 27422.4047164939 26634.7888891139 
25657.1056681591 24327.1122458029 22561.6220797626 20282.8799617408 
17048.0376569033 12815.1844341323 7838.67699641692 3037.32977109089 
1228.17705600804 4567.07450336585 9503.85688120511 14102.5604169197 
17771.6659865501 20384.612215889 22455.0163431216 24292.2095143022 
25725.118287442 26728.1481747573 27680.0507282305 28384.9118934296 
29007.0936908239 29343.9681804439 29622.3512653077 29888.8077112513 
30236.7729909176 30433.1349880859 30548.98564242 30737.1986500959 
30844.3167468412 30977.3151806087 31060.7046340017 31127.5653663053 
31155.8591601068 31254.4971775759 31441.3587512364 31453.8891974879 
31493.9638782259 31587.5023972018 31518.3559491878 31559.1307182848 
31636.9941443548 31622.7175704542 31661.9042580492 31736.7822106208 
31697.0285714927 31775.0596597786 31835.6950170232 31839.6958670498 
31910.0106566115 31933.4840968622 31863.9791092462 31918.0334168156 
31857.0371872585 31894.2660229829 31925.8781887104 31961.4568206704 
32000.1274370192 31950.3231564986 31993.4611408871 31946.0297287402 
32003.0284759941 31956.9725632065 31906.7364187869 32056.7492974629 
32000.3024878862 31996.9606436972 32015.6531415487 31994.7701724478 
31926.1181146825 31970.2048085669 32070.363833971 32005.9734339782 
32097.4850051642 32081.7350345059
$$ @vis= VisuCoreUnits VisuCoreOrientation VisuCorePosition VisuCoreDataMin
##$VisuCoreDataOffs=( 131 )
0 0 0 0 0 0 0 0 0 0 0 0 0 0 0 0 0 0 0 0 0 0 0 0 0 0 0 0 0 0 0 0 0 0 0 0 0 0 0 
0 0 0 0 0 0 0 0 0 0 0 0 0 0 0 0 0 0 0 0 0 0 0 0 0 0 0 0 0 0 0 0 0 0 0 0 0 0 0 
0 0 0 0 0 0 0 0 0 0 0 0 0 0 0 0 0 0 0 0 0 0 0 0 0 0 0 0 0 0 0 0 0 0 0 0 0 0 0 
0 0 0 0 0 0 0 0 0 0 0 0 0 0
##$VisuCoreDataSlope=( 131 )
0.0381872822213711 0.0381872822213711 0.0381872822213711 0.0381872822213711 
0.0381872822213711 0.0381872822213711 0.0381872822213711 0.0381872822213711 
0.0381872822213711 0.0381872822213711 0.0381872822213711 0.0381872822213711 
0.0381872822213711 0.0381872822213711 0.0381872822213711 0.0381872822213711 
0.0381872822213711 0.0381872822213711 0.0381872822213711 0.0381872822213711 
0.0381872822213711 0.0381872822213711 0.0381872822213711 0.0381872822213711 
0.0381872822213711 0.0381872822213711 0.0381872822213711 0.0381872822213711 
0.0381872822213711 0.0381872822213711 0.0381872822213711 0.0381872822213711 
0.0381872822213711 0.0381872822213711 0.0381872822213711 0.0381872822213711 
0.0381872822213711 0.0381872822213711 0.0381872822213711 0.0381872822213711 
0.0381872822213711 0.0381872822213711 0.0381872822213711 0.0381872822213711 
0.0381872822213711 0.0381872822213711 0.0381872822213711 0.0381872822213711 
0.0381872822213711 0.0381872822213711 0.0381872822213711 0.0381872822213711 
0.0381872822213711 0.0381872822213711 0.0381872822213711 0.0381872822213711 
0.0381872822213711 0.0381872822213711 0.0381872822213711 0.0381872822213711 
0.0381872822213711 0.0381872822213711 0.0381872822213711 0.0381872822213711 
0.0381872822213711 0.0381872822213711 0.0381872822213711 0.0381872822213711 
0.0381872822213711 0.0381872822213711 0.0381872822213711 0.0381872822213711 
0.0381872822213711 0.0381872822213711 0.0381872822213711 0.0381872822213711 
0.0381872822213711 0.0381872822213711 0.0381872822213711 0.0381872822213711 
0.0381872822213711 0.0381872822213711 0.0381872822213711 0.0381872822213711 
0.0381872822213711 0.0381872822213711 0.0381872822213711 0.0381872822213711 
0.0381872822213711 0.0381872822213711 0.0381872822213711 0.0381872822213711 
0.0381872822213711 0.0381872822213711 0.0381872822213711 0.0381872822213711 
0.0381872822213711 0.0381872822213711 0.0381872822213711 0.0381872822213711 
0.0381872822213711 0.0381872822213711 0.0381872822213711 0.0381872822213711 
0.0381872822213711 0.0381872822213711 0.0381872822213711 0.0381872822213711 
0.0381872822213711 0.0381872822213711 0.0381872822213711 0.0381872822213711 
0.0381872822213711 0.0381872822213711 0.0381872822213711 0.0381872822213711 
0.0381872822213711 0.0381872822213711 0.0381872822213711 0.0381872822213711 
0.0381872822213711 0.0381872822213711 0.0381872822213711 0.0381872822213711 
0.0381872822213711 0.0381872822213711 0.0381872822213711 0.0381872822213711 
0.0381872822213711 0.0381872822213711 0.0381872822213711
##$VisuCoreFrameType=( 1 )
MAGNITUDE_IMAGE
$$ @vis= VisuCoreDataMax VisuCoreDataOffs VisuCoreDataSlope VisuCoreFrameType
##$VisuCoreWordType=_16BIT_SGN_INT
##$VisuCoreByteOrder=littleEndian
##$VisuFGOrderDescDim=1
$$ @vis= VisuCore VisuCoreWordType VisuCoreByteOrder VisuPixel
##$VisuFGOrderDesc=( 1 )
(131, <FG_CYCLE>, <>, 0, 0)
##$VisuGroupDepVals=( 1 )
(<>, 0)
$$ @vis= VisuFGOrderDescDim VisuFGOrderDesc VisuGroupDepVals
##$VisuSubjectName=( 65 )
<210118_phantom_pdc_DMHT>
##$VisuSubjectId=( 65 )
<210118_phantom_pdc_DMHT>
##$VisuSubjectUid=( 65 )
<2.16.756.5.5.100.8323328.82851.1610954120.3>
##$VisuSubjectInstanceCreationDate=(1610954120, 114, 120)
$$ @vis= VisuFrameOrderDesc VisuSubjectName VisuSubjectId VisuSubjectUid
##$VisuSubjectBirthDate=( 9 )
<20210118>
##$VisuSubjectSex=UNDEFINED
##$VisuSubjectType=Other
$$ @vis= VisuSubjectInstanceCreationDate VisuSubjectBirthDate VisuSubjectSex
##$VisuStudyUid=( 65 )
<2.16.756.5.5.100.8323328.82851.1610954120.4>
##$VisuStudyDate=<2021-01-18T09:15:20,115+0200>
##$VisuStudyId=( 65 )
<210118_phantom_pdc_DMHT>
##$VisuStudyNumber=1
$$ @vis= VisuSubjectType VisuSubject VisuStudyUid VisuStudyDate VisuStudyId
##$VisuSubjectWeight=0.001
##$VisuStudyReferringPhysician=( 65 )
<amnon>
##$VisuStudyDescription=( 2048 )
<\
>
$$ @vis= VisuStudyNumber VisuSubjectWeight VisuStudyReferringPhysician
##$VisuExperimentNumber=16
##$VisuProcessingNumber=1
$$ @vis= VisuStudyDescription VisuStudy VisuExperimentNumber
##$VisuSeriesDate=<2021-01-19T00:35:23,422+0200>
##$VisuSubjectPosition=Head_Supine
##$VisuSeriesTypeId=( 65 )
<ACQ_USER_PVM>
$$ @vis= VisuProcessingNumber VisuSeriesDate VisuSubjectPosition
$$ @vis= VisuSeriesTypeId VisuSeries VisuCoilReceive VisuCoilTransmit
##$VisuManufacturer=( 65 )
<Bruker BioSpin MRI GmbH>
##$VisuAcqSoftwareVersion=( 65 )
<6.0.1>
##$VisuInstitution=( 65 )
<Weizmann Institute>
$$ @vis= VisuContrastAgent VisuManufacturer VisuAcqSoftwareVersion
##$VisuStation=( 65 )
<BioSpec 152/II US/R>
##$VisuSystemOrderNumber=( 65 )
<10224363>
##$VisuAcqDate=<2021-01-18T22:50:30,443+0200>
$$ @vis= VisuInstitution VisuStation VisuSystemOrderNumber VisuEquipment
##$VisuAcqEchoTrainLength=16
##$VisuAcqSequenceName=( 40 )
<User:rare_cest>
##$VisuAcqNumberOfAverages=2
$$ @vis= VisuAcqDate VisuAcqEchoTrainLength VisuAcqSequenceName
##$VisuAcqImagingFrequency=650.054339444703
##$VisuAcqImagedNucleus=( 8 )
<1H>
##$VisuAcqRepetitionTime=( 1 )
6000
$$ @vis= VisuAcqNumberOfAverages VisuAcqImagingFrequency VisuAcqImagedNucleus
##$VisuAcqPhaseEncSteps=64
##$VisuAcqPixelBandwidth=781.25
##$VisuAcqFlipAngle=180
$$ @vis= VisuAcqRepetitionTime VisuAcqPhaseEncSteps VisuAcqPixelBandwidth
##$VisuAcqSize=( 2 )
64 64
##$VisuAcqImageSizeAccellerated=No
##$VisuAcqGradEncoding=( 2 )
phase_enc read_enc
$$ @vis= VisuAcqFlipAngle VisuAcqSize VisuAcqImageSizeAccellerated
##$VisuAcqEchoTime=( 1 )
36.704
##$VisuAcquisitionProtocol=( 65 )
<6_rare_cest_bruker_zspect_10ppm>
##$VisuAcqScanTime=6288000
$$ @vis= VisuAcqGradEncoding VisuAcqEchoTime VisuAcquisitionProtocol
##$VisuAcqAntiAlias=( 2 )
1 1
##$VisuAcqEchoSequenceType=Both
##$VisuAcqSpinsVelocityEncoded=No
$$ @vis= VisuAcqScanTime VisuAcqAntiAlias VisuAcqEchoSequenceType
##$VisuAcqHasTimeOfFlightContrast=No
##$VisuAcqIsEpiSequence=No
$$ @vis= VisuAcqSpinsVelocityEncoded VisuAcqHasTimeOfFlightContrast
##$VisuAcqSpectralSuppression=NoSuppression
##$VisuAcqKSpaceTraversal=RectilinearTraversal
$$ @vis= VisuAcqIsEpiSequence VisuAcqSpectralSuppression
##$VisuAcqEncodingOrder=( 2 )
LinearEncoding LinearEncoding
##$VisuAcqKSpaceTrajectoryCnt=1
$$ @vis= VisuAcqKSpaceTraversal VisuAcqEncodingOrder
##$VisuAcqKSpaceFiltering=( 2 )
NO_WDW NO_WDW
##$VisuAcqFlowCompensation=FlowNone
$$ @vis= VisuAcqKSpaceTrajectoryCnt VisuAcqKSpaceFiltering
##$VisuAcqSpoiling=GradientSpoiled
##$VisuAcqPartialFourier=( 2 )
1 1
##$VisuAcqParallelReductionFactor=( 2 )
1 1
$$ @vis= VisuAcqFlowCompensation VisuAcqSpoiling VisuAcqPartialFourier
##$VisuAcqMagnetizationTransfer=No
##$VisuAcqBloodSignalNulling=No
$$ @vis= VisuAcqParallelReductionFactor VisuAcqMagnetizationTransfer
##$VisuCardiacSynchUsed=No
##$VisuRespSynchUsed=No
$$ @vis= VisuAcqBloodSignalNulling VisuCardiacSynchUsed VisuRespSynchUsed
$$ @vis= VisuAcquisition VisuMpi VisuDepricated Visu
##END=
$$ File finished by PARX at 2021-01-19 00:35:23.424 +0200
